NUGET
  remote: https://api.nuget.org/v3/index.json
    Argu (3.7)
      FSharp.Core (>= 4.0.1.7-alpha) - restriction: >= netstandard16
      NETStandard.Library (>= 1.6) - restriction: >= netstandard16
      System.Xml.XDocument (>= 4.0.11) - restriction: >= netstandard16
    Expecto (5.0)
      Argu (>= 3.7)
      FSharp.Core (>= 4.1.12) - restriction: < netstandard16
      FSharp.Core (>= 4.1.17) - restriction: >= netstandard16
      Mono.Cecil (>= 0.10.0-beta5)
      NETStandard.Library (>= 1.6.1) - restriction: >= netstandard16
      System.Diagnostics.FileVersionInfo (>= 4.3) - restriction: >= netstandard16
      System.Diagnostics.TraceSource (>= 4.3) - restriction: >= netstandard16
      System.Linq.Parallel (>= 4.3) - restriction: >= netstandard16
    FSharp.Compiler.Tools (4.1.17) - restriction: || (>= net40) (>= netstandard13)
    FSharp.Core (4.2.1)
      System.Collections (>= 4.0.11) - restriction: >= netstandard16
      System.Console (>= 4.0) - restriction: >= netstandard16
      System.Diagnostics.Debug (>= 4.0.11) - restriction: >= netstandard16
      System.Diagnostics.Tools (>= 4.0.1) - restriction: >= netstandard16
      System.Globalization (>= 4.0.11) - restriction: >= netstandard16
      System.IO (>= 4.1) - restriction: >= netstandard16
      System.Linq (>= 4.1) - restriction: >= netstandard16
      System.Linq.Expressions (>= 4.1) - restriction: >= netstandard16
      System.Linq.Queryable (>= 4.0.1) - restriction: >= netstandard16
      System.Net.Requests (>= 4.0.11) - restriction: >= netstandard16
      System.Reflection (>= 4.1) - restriction: >= netstandard16
      System.Reflection.Extensions (>= 4.0.1) - restriction: >= netstandard16
      System.Resources.ResourceManager (>= 4.0.1) - restriction: >= netstandard16
      System.Runtime (>= 4.1) - restriction: >= netstandard16
      System.Runtime.Extensions (>= 4.1) - restriction: >= netstandard16
      System.Runtime.Numerics (>= 4.0.1) - restriction: >= netstandard16
      System.Text.RegularExpressions (>= 4.1) - restriction: >= netstandard16
      System.Threading (>= 4.0.11) - restriction: >= netstandard16
      System.Threading.Tasks (>= 4.0.11) - restriction: >= netstandard16
      System.Threading.Tasks.Parallel (>= 4.0.1) - restriction: >= netstandard16
      System.Threading.Thread (>= 4.0) - restriction: >= netstandard16
      System.Threading.ThreadPool (>= 4.0.10) - restriction: >= netstandard16
      System.Threading.Timer (>= 4.0.1) - restriction: >= netstandard16
    FSharp.NET.Sdk (1.0.5)
      FSharp.Compiler.Tools (>= 4.1.17) - restriction: || (>= net40) (>= netstandard13)
    Libuv (1.9.2) - restriction: || (>= net451) (>= netstandard13)
      Microsoft.NETCore.Platforms (>= 1.0.1) - restriction: >= netstandard10
    Microsoft.AspNetCore (1.1.2)
      Microsoft.AspNetCore.Diagnostics (>= 1.1.2) - restriction: || (>= net451) (>= netstandard13)
      Microsoft.AspNetCore.Hosting (>= 1.1.2) - restriction: || (>= net451) (>= netstandard13)
      Microsoft.AspNetCore.Routing (>= 1.1.2) - restriction: || (>= net451) (>= netstandard13)
      Microsoft.AspNetCore.Server.IISIntegration (>= 1.1.2) - restriction: || (>= net451) (>= netstandard13)
      Microsoft.AspNetCore.Server.Kestrel (>= 1.1.2) - restriction: || (>= net451) (>= netstandard13)
      Microsoft.Extensions.Configuration.EnvironmentVariables (>= 1.1.2) - restriction: || (>= net451) (>= netstandard13)
      Microsoft.Extensions.Configuration.FileExtensions (>= 1.1.2) - restriction: || (>= net451) (>= netstandard13)
      Microsoft.Extensions.Configuration.Json (>= 1.1.2) - restriction: || (>= net451) (>= netstandard13)
      Microsoft.Extensions.Logging (>= 1.1.2) - restriction: || (>= net451) (>= netstandard13)
      Microsoft.Extensions.Logging.Console (>= 1.1.2) - restriction: || (>= net451) (>= netstandard13)
      Microsoft.Extensions.Options.ConfigurationExtensions (>= 1.1.2) - restriction: || (>= net451) (>= netstandard13)
      NETStandard.Library (>= 1.6.1) - restriction: || (>= net451) (>= netstandard13)
    Microsoft.AspNetCore.Diagnostics (1.1.2) - restriction: || (>= net451) (>= netstandard13)
      Microsoft.AspNetCore.Diagnostics.Abstractions (>= 1.1.2) - restriction: || (>= net451) (>= netstandard13)
      Microsoft.AspNetCore.Hosting.Abstractions (>= 1.1.2) - restriction: || (>= net451) (>= netstandard13)
      Microsoft.AspNetCore.Http.Extensions (>= 1.1.2) - restriction: || (>= net451) (>= netstandard13)
      Microsoft.AspNetCore.WebUtilities (>= 1.1.2) - restriction: || (>= net451) (>= netstandard13)
      Microsoft.Extensions.FileProviders.Physical (>= 1.1.1) - restriction: || (>= net451) (>= netstandard13)
      Microsoft.Extensions.Logging.Abstractions (>= 1.1.2) - restriction: || (>= net451) (>= netstandard13)
      Microsoft.Extensions.Options (>= 1.1.2) - restriction: || (>= net451) (>= netstandard13)
      NETStandard.Library (>= 1.6.1) - restriction: || (>= net451) (>= netstandard13)
      System.Diagnostics.DiagnosticSource (>= 4.3) - restriction: || (>= net451) (>= netstandard13)
      System.Diagnostics.StackTrace (>= 4.3) - restriction: && (< net451) (>= netstandard13)
      System.Reflection.Metadata (>= 1.4.1) - restriction: || (>= net451) (>= netstandard13)
    Microsoft.AspNetCore.Diagnostics.Abstractions (1.1.2) - restriction: || (>= net451) (>= netstandard13)
      NETStandard.Library (>= 1.6.1) - restriction: >= netstandard10
    Microsoft.AspNetCore.Hosting (1.1.2) - restriction: || (>= net451) (>= netstandard13)
      Microsoft.AspNetCore.Hosting.Abstractions (>= 1.1.2) - restriction: || (>= net451) (>= netstandard13)
      Microsoft.AspNetCore.Hosting.Server.Abstractions (>= 1.1.2) - restriction: || (>= net451) (>= netstandard13)
      Microsoft.AspNetCore.Http (>= 1.1.2) - restriction: || (>= net451) (>= netstandard13)
      Microsoft.AspNetCore.Http.Extensions (>= 1.1.2) - restriction: || (>= net451) (>= netstandard13)
      Microsoft.Extensions.Configuration (>= 1.1.2) - restriction: || (>= net451) (>= netstandard13)
      Microsoft.Extensions.Configuration.EnvironmentVariables (>= 1.1.2) - restriction: || (>= net451) (>= netstandard13)
      Microsoft.Extensions.DependencyInjection (>= 1.1.1) - restriction: || (>= net451) (>= netstandard13)
      Microsoft.Extensions.FileProviders.Physical (>= 1.1.1) - restriction: || (>= net451) (>= netstandard13)
      Microsoft.Extensions.Logging (>= 1.1.2) - restriction: || (>= net451) (>= netstandard13)
      Microsoft.Extensions.Options (>= 1.1.2) - restriction: || (>= net451) (>= netstandard13)
      Microsoft.Extensions.PlatformAbstractions (>= 1.1) - restriction: || (>= net451) (>= netstandard13)
      NETStandard.Library (>= 1.6.1) - restriction: || (>= net451) (>= netstandard13)
      System.Diagnostics.DiagnosticSource (>= 4.3.1) - restriction: || (>= net451) (>= netstandard13)
      System.Diagnostics.StackTrace (>= 4.3) - restriction: || (&& (< net451) (>= netstandard13) (< netstandard15)) (&& (< net451) (>= netstandard15))
      System.Reflection.Metadata (>= 1.4.1) - restriction: || (>= net451) (>= netstandard13)
      System.Runtime.Loader (>= 4.3) - restriction: && (< net451) (>= netstandard15)
    Microsoft.AspNetCore.Hosting.Abstractions (1.1.2) - restriction: || (>= net451) (>= netstandard13)
      Microsoft.AspNetCore.Hosting.Server.Abstractions (>= 1.1.2) - restriction: || (>= net451) (>= netstandard13)
      Microsoft.AspNetCore.Http.Abstractions (>= 1.1.2) - restriction: || (>= net451) (>= netstandard13)
      Microsoft.Extensions.Configuration.Abstractions (>= 1.1.2) - restriction: || (>= net451) (>= netstandard13)
      Microsoft.Extensions.DependencyInjection.Abstractions (>= 1.1.1) - restriction: || (>= net451) (>= netstandard13)
      Microsoft.Extensions.FileProviders.Abstractions (>= 1.1.1) - restriction: || (>= net451) (>= netstandard13)
      Microsoft.Extensions.Logging.Abstractions (>= 1.1.2) - restriction: || (>= net451) (>= netstandard13)
      NETStandard.Library (>= 1.6.1) - restriction: || (>= net451) (>= netstandard13)
    Microsoft.AspNetCore.Hosting.Server.Abstractions (1.1.2) - restriction: || (>= net451) (>= netstandard13)
      Microsoft.AspNetCore.Http.Features (>= 1.1.2) - restriction: || (>= net451) (>= netstandard13)
      Microsoft.Extensions.Configuration.Abstractions (>= 1.1.2) - restriction: || (>= net451) (>= netstandard13)
      NETStandard.Library (>= 1.6.1) - restriction: || (>= net451) (>= netstandard13)
    Microsoft.AspNetCore.Http (1.1.2) - restriction: || (>= net451) (>= netstandard13)
      Microsoft.AspNetCore.Http.Abstractions (>= 1.1.2) - restriction: || (>= net451) (>= netstandard13)
      Microsoft.AspNetCore.WebUtilities (>= 1.1.2) - restriction: || (>= net451) (>= netstandard13)
      Microsoft.Extensions.ObjectPool (>= 1.1.1) - restriction: || (>= net451) (>= netstandard13)
      Microsoft.Extensions.Options (>= 1.1.2) - restriction: || (>= net451) (>= netstandard13)
      Microsoft.Net.Http.Headers (>= 1.1.2) - restriction: || (>= net451) (>= netstandard13)
      NETStandard.Library (>= 1.6.1) - restriction: || (>= net451) (>= netstandard13)
      System.Buffers (>= 4.3) - restriction: || (>= net451) (>= netstandard13)
    Microsoft.AspNetCore.Http.Abstractions (1.1.2) - restriction: || (>= net451) (>= netstandard13)
      Microsoft.AspNetCore.Http.Features (>= 1.1.2) - restriction: || (>= net451) (>= netstandard13)
      Microsoft.Extensions.Primitives (>= 1.1.1) - restriction: || (>= net451) (>= netstandard13)
      NETStandard.Library (>= 1.6.1) - restriction: || (>= net451) (>= netstandard13)
      System.Globalization.Extensions (>= 4.3) - restriction: && (< net451) (>= netstandard13)
      System.Reflection.TypeExtensions (>= 4.3) - restriction: && (< net451) (>= netstandard13)
      System.Text.Encodings.Web (>= 4.3.1) - restriction: || (>= net451) (>= netstandard13)
    Microsoft.AspNetCore.Http.Extensions (1.1.2) - restriction: || (>= net451) (>= netstandard13)
      Microsoft.AspNetCore.Http.Abstractions (>= 1.1.2) - restriction: || (>= net451) (>= netstandard13)
      Microsoft.Extensions.FileProviders.Abstractions (>= 1.1.1) - restriction: || (>= net451) (>= netstandard13)
      Microsoft.Net.Http.Headers (>= 1.1.2) - restriction: || (>= net451) (>= netstandard13)
      NETStandard.Library (>= 1.6.1) - restriction: || (>= net451) (>= netstandard13)
      System.Buffers (>= 4.3) - restriction: || (>= net451) (>= netstandard13)
    Microsoft.AspNetCore.Http.Features (1.1.2) - restriction: || (>= net451) (>= netstandard13)
      Microsoft.Extensions.Primitives (>= 1.1.1) - restriction: || (>= net451) (>= netstandard13)
      NETStandard.Library (>= 1.6.1) - restriction: || (>= net451) (>= netstandard13)
      System.ComponentModel (>= 4.3) - restriction: && (< net451) (>= netstandard13)
      System.Net.WebSockets (>= 4.3) - restriction: && (< net451) (>= netstandard13)
      System.Security.Claims (>= 4.3) - restriction: && (< net451) (>= netstandard13)
      System.Security.Principal (>= 4.3) - restriction: && (< net451) (>= netstandard13)
    Microsoft.AspNetCore.HttpOverrides (1.1.2) - restriction: || (>= net451) (>= netstandard13)
      Microsoft.AspNetCore.Http.Extensions (>= 1.1.2) - restriction: || (>= net451) (>= netstandard13)
      Microsoft.Extensions.Logging.Abstractions (>= 1.1.2) - restriction: || (>= net451) (>= netstandard13)
      Microsoft.Extensions.Options (>= 1.1.2) - restriction: || (>= net451) (>= netstandard13)
      NETStandard.Library (>= 1.6.1) - restriction: || (>= net451) (>= netstandard13)
    Microsoft.AspNetCore.Routing (1.1.2) - restriction: || (>= net451) (>= netstandard13)
      Microsoft.AspNetCore.Http.Extensions (>= 1.1.2) - restriction: || (>= net451) (>= netstandard13)
      Microsoft.AspNetCore.Routing.Abstractions (>= 1.1.2) - restriction: || (>= net451) (>= netstandard13)
      Microsoft.Extensions.Logging.Abstractions (>= 1.1.2) - restriction: || (>= net451) (>= netstandard13)
      Microsoft.Extensions.ObjectPool (>= 1.1.1) - restriction: || (>= net451) (>= netstandard13)
      Microsoft.Extensions.Options (>= 1.1.2) - restriction: || (>= net451) (>= netstandard13)
      NETStandard.Library (>= 1.6.1) - restriction: || (>= net451) (>= netstandard13)
    Microsoft.AspNetCore.Routing.Abstractions (1.1.2) - restriction: || (>= net451) (>= netstandard13)
      Microsoft.AspNetCore.Http.Abstractions (>= 1.1.2) - restriction: || (>= net451) (>= netstandard13)
      NETStandard.Library (>= 1.6.1) - restriction: || (>= net451) (>= netstandard13)
    Microsoft.AspNetCore.Server.IISIntegration (1.1.2) - restriction: || (>= net451) (>= netstandard13)
      Microsoft.AspNetCore.Hosting.Abstractions (>= 1.1.2) - restriction: || (>= net451) (>= netstandard13)
      Microsoft.AspNetCore.Http (>= 1.1.2) - restriction: || (>= net451) (>= netstandard13)
      Microsoft.AspNetCore.Http.Extensions (>= 1.1.2) - restriction: || (>= net451) (>= netstandard13)
      Microsoft.AspNetCore.HttpOverrides (>= 1.1.2) - restriction: || (>= net451) (>= netstandard13)
      Microsoft.Extensions.Logging.Abstractions (>= 1.1.2) - restriction: || (>= net451) (>= netstandard13)
      Microsoft.Extensions.Options (>= 1.1.2) - restriction: || (>= net451) (>= netstandard13)
      NETStandard.Library (>= 1.6.1) - restriction: || (>= net451) (>= netstandard13)
      System.Security.Principal.Windows (>= 4.3) - restriction: && (< net451) (>= netstandard13)
    Microsoft.AspNetCore.Server.Kestrel (1.1.2) - restriction: || (>= net451) (>= netstandard13)
      Libuv (>= 1.9.1) - restriction: || (>= net451) (>= netstandard13)
      Microsoft.AspNetCore.Hosting (>= 1.1.2) - restriction: || (>= net451) (>= netstandard13)
      Microsoft.Extensions.Logging.Abstractions (>= 1.1.2) - restriction: || (>= net451) (>= netstandard13)
      NETStandard.Library (>= 1.6.1) - restriction: || (>= net451) (>= netstandard13)
      System.Buffers (>= 4.3) - restriction: || (>= net451) (>= netstandard13)
      System.Numerics.Vectors (>= 4.3) - restriction: || (>= net451) (>= netstandard13)
      System.Threading.Tasks.Extensions (>= 4.3) - restriction: || (>= net451) (>= netstandard13)
      System.Threading.Thread (>= 4.3) - restriction: && (< net451) (>= netstandard13)
      System.Threading.ThreadPool (>= 4.3) - restriction: && (< net451) (>= netstandard13)
    Microsoft.AspNetCore.WebUtilities (1.1.2) - restriction: || (>= net451) (>= netstandard13)
      Microsoft.Extensions.Primitives (>= 1.1.1) - restriction: || (>= net451) (>= netstandard13)
      Microsoft.Net.Http.Headers (>= 1.1.2) - restriction: || (>= net451) (>= netstandard13)
      NETStandard.Library (>= 1.6.1) - restriction: || (>= net451) (>= netstandard13)
      System.Buffers (>= 4.3) - restriction: || (>= net451) (>= netstandard13)
      System.Text.Encodings.Web (>= 4.3.1) - restriction: || (>= net451) (>= netstandard13)
    Microsoft.CSharp (4.3) - restriction: || (&& (< net20) (>= netstandard10) (< netstandard13)) (&& (< net20) (>= netstandard13)) (&& (< net45) (>= netstandard10) (< netstandard13)) (&& (< net45) (>= netstandard13))
      System.Collections (>= 4.3) - restriction: || (&& (< net45) (>= netstandard13) (< win8) (< wpa81)) (>= dnxcore50)
      System.Diagnostics.Debug (>= 4.3) - restriction: || (&& (< net45) (>= netstandard13) (< win8) (< wpa81)) (>= dnxcore50)
      System.Dynamic.Runtime (>= 4.3) - restriction: || (&& (< net45) (>= netstandard10) (< netstandard13) (< win8) (< wp8) (< wpa81)) (&& (< net45) (>= netstandard13) (< win8) (< wpa81)) (>= dnxcore50)
      System.Globalization (>= 4.3) - restriction: || (&& (< net45) (>= netstandard13) (< win8) (< wpa81)) (>= dnxcore50)
      System.Linq (>= 4.3) - restriction: || (&& (< net45) (>= netstandard13) (< win8) (< wpa81)) (>= dnxcore50)
      System.Linq.Expressions (>= 4.3) - restriction: || (&& (< net45) (>= netstandard10) (< netstandard13) (< win8) (< wp8) (< wpa81)) (&& (< net45) (>= netstandard13) (< win8) (< wpa81)) (>= dnxcore50)
      System.ObjectModel (>= 4.3) - restriction: || (&& (< net45) (>= netstandard13) (< win8) (< wpa81)) (>= dnxcore50)
      System.Reflection (>= 4.3) - restriction: || (&& (< net45) (>= netstandard13) (< win8) (< wpa81)) (>= dnxcore50)
      System.Reflection.Extensions (>= 4.3) - restriction: || (&& (< net45) (>= netstandard13) (< win8) (< wpa81)) (>= dnxcore50)
      System.Reflection.Primitives (>= 4.3) - restriction: || (&& (< net45) (>= netstandard13) (< win8) (< wpa81)) (>= dnxcore50)
      System.Reflection.TypeExtensions (>= 4.3) - restriction: || (&& (< net45) (>= netstandard13) (< win8) (< wpa81)) (>= dnxcore50)
      System.Resources.ResourceManager (>= 4.3) - restriction: || (&& (< net45) (>= netstandard13) (< win8) (< wpa81)) (>= dnxcore50)
      System.Runtime (>= 4.3) - restriction: || (&& (< net45) (>= netstandard10) (< netstandard13) (< win8) (< wp8) (< wpa81)) (&& (< net45) (>= netstandard13) (< win8) (< wpa81)) (>= dnxcore50)
      System.Runtime.Extensions (>= 4.3) - restriction: || (&& (< net45) (>= netstandard13) (< win8) (< wpa81)) (>= dnxcore50)
      System.Runtime.InteropServices (>= 4.3) - restriction: || (&& (< net45) (>= netstandard13) (< win8) (< wpa81)) (>= dnxcore50)
      System.Threading (>= 4.3) - restriction: || (&& (< net45) (>= netstandard13) (< win8) (< wpa81)) (>= dnxcore50)
    Microsoft.Extensions.Configuration (1.1.2) - restriction: || (>= net451) (>= netstandard13)
      Microsoft.Extensions.Configuration.Abstractions (>= 1.1.2) - restriction: >= netstandard11
      NETStandard.Library (>= 1.6.1) - restriction: >= netstandard11
    Microsoft.Extensions.Configuration.Abstractions (1.1.2) - restriction: || (>= net451) (>= netstandard13)
      Microsoft.Extensions.Primitives (>= 1.1.1) - restriction: >= netstandard10
      NETStandard.Library (>= 1.6.1) - restriction: >= netstandard10
    Microsoft.Extensions.Configuration.Binder (1.1.2) - restriction: || (>= net451) (>= netstandard13)
      Microsoft.Extensions.Configuration (>= 1.1.2) - restriction: >= netstandard11
      NETStandard.Library (>= 1.6.1) - restriction: >= netstandard11
      System.ComponentModel.TypeConverter (>= 4.3) - restriction: >= netstandard11
    Microsoft.Extensions.Configuration.EnvironmentVariables (1.1.2) - restriction: || (>= net451) (>= netstandard13)
      Microsoft.Extensions.Configuration (>= 1.1.2) - restriction: || (>= net451) (>= netstandard13)
      NETStandard.Library (>= 1.6.1) - restriction: || (>= net451) (>= netstandard13)
    Microsoft.Extensions.Configuration.FileExtensions (1.1.2) - restriction: || (>= net451) (>= netstandard13)
      Microsoft.Extensions.Configuration (>= 1.1.2) - restriction: || (>= net451) (>= netstandard13)
      Microsoft.Extensions.FileProviders.Physical (>= 1.1.1) - restriction: || (>= net451) (>= netstandard13)
      NETStandard.Library (>= 1.6.1) - restriction: || (>= net451) (>= netstandard13)
      System.Threading.Thread (>= 4.3) - restriction: && (< net451) (>= netstandard13)
    Microsoft.Extensions.Configuration.Json (1.1.2) - restriction: || (>= net451) (>= netstandard13)
      Microsoft.Extensions.Configuration (>= 1.1.2) - restriction: || (>= net451) (>= netstandard13)
      Microsoft.Extensions.Configuration.FileExtensions (>= 1.1.2) - restriction: || (>= net451) (>= netstandard13)
      NETStandard.Library (>= 1.6.1) - restriction: || (>= net451) (>= netstandard13)
      Newtonsoft.Json (>= 9.0.1) - restriction: || (>= net451) (>= netstandard13)
      System.Dynamic.Runtime (>= 4.3) - restriction: && (< net451) (>= netstandard13)
      System.Runtime.Serialization.Primitives (>= 4.3) - restriction: && (< net451) (>= netstandard13)
    Microsoft.Extensions.DependencyInjection (1.1.1) - restriction: || (>= net451) (>= netstandard13)
      Microsoft.Extensions.DependencyInjection.Abstractions (>= 1.1.1) - restriction: >= netstandard11
      NETStandard.Library (>= 1.6.1) - restriction: >= netstandard11
    Microsoft.Extensions.DependencyInjection.Abstractions (1.1.1) - restriction: || (>= net451) (>= netstandard13)
      NETStandard.Library (>= 1.6.1) - restriction: >= netstandard10
      System.ComponentModel (>= 4.3) - restriction: >= netstandard10
    Microsoft.Extensions.FileProviders.Abstractions (1.1.1) - restriction: || (>= net451) (>= netstandard13)
      Microsoft.Extensions.Primitives (>= 1.1.1) - restriction: >= netstandard10
      NETStandard.Library (>= 1.6.1) - restriction: >= netstandard10
    Microsoft.Extensions.FileProviders.Physical (1.1.1) - restriction: || (>= net451) (>= netstandard13)
      Microsoft.Extensions.FileProviders.Abstractions (>= 1.1.1) - restriction: || (>= net451) (>= netstandard13)
      Microsoft.Extensions.FileSystemGlobbing (>= 1.1.1) - restriction: || (>= net451) (>= netstandard13)
      NETStandard.Library (>= 1.6.1) - restriction: || (>= net451) (>= netstandard13)
      System.IO.FileSystem.Watcher (>= 4.3) - restriction: && (< net451) (>= netstandard13)
    Microsoft.Extensions.FileSystemGlobbing (1.1.1) - restriction: || (>= net451) (>= netstandard13)
      NETStandard.Library (>= 1.6.1) - restriction: || (>= net45) (>= netstandard13)
    Microsoft.Extensions.Logging (1.1.2) - restriction: || (>= net451) (>= netstandard13)
      Microsoft.Extensions.DependencyInjection.Abstractions (>= 1.1.1) - restriction: >= netstandard11
      Microsoft.Extensions.Logging.Abstractions (>= 1.1.2) - restriction: >= netstandard11
      NETStandard.Library (>= 1.6.1) - restriction: >= netstandard11
    Microsoft.Extensions.Logging.Abstractions (1.1.2) - restriction: || (>= net451) (>= netstandard13)
      NETStandard.Library (>= 1.6.1) - restriction: >= netstandard11
    Microsoft.Extensions.Logging.Console (1.1.2) - restriction: || (>= net451) (>= netstandard13)
      Microsoft.Extensions.Configuration.Abstractions (>= 1.1.2) - restriction: || (>= net451) (>= netstandard13)
      Microsoft.Extensions.Logging.Abstractions (>= 1.1.2) - restriction: || (>= net451) (>= netstandard13)
      NETStandard.Library (>= 1.6.1) - restriction: || (>= net451) (>= netstandard13)
    Microsoft.Extensions.ObjectPool (1.1.1) - restriction: || (>= net451) (>= netstandard13)
      NETStandard.Library (>= 1.6.1) - restriction: || (>= net451) (>= netstandard13)
    Microsoft.Extensions.Options (1.1.2) - restriction: || (>= net451) (>= netstandard13)
      Microsoft.Extensions.DependencyInjection.Abstractions (>= 1.1.1) - restriction: >= netstandard10
      Microsoft.Extensions.Primitives (>= 1.1.1) - restriction: >= netstandard10
      NETStandard.Library (>= 1.6.1) - restriction: >= netstandard10
      System.ComponentModel (>= 4.3) - restriction: >= netstandard10
    Microsoft.Extensions.Options.ConfigurationExtensions (1.1.2) - restriction: || (>= net451) (>= netstandard13)
      Microsoft.Extensions.Configuration.Abstractions (>= 1.1.2) - restriction: >= netstandard11
      Microsoft.Extensions.Configuration.Binder (>= 1.1.2) - restriction: >= netstandard11
      Microsoft.Extensions.DependencyInjection.Abstractions (>= 1.1.1) - restriction: >= netstandard11
      Microsoft.Extensions.Options (>= 1.1.2) - restriction: >= netstandard11
      NETStandard.Library (>= 1.6.1) - restriction: >= netstandard11
    Microsoft.Extensions.PlatformAbstractions (1.1) - restriction: || (>= net451) (>= netstandard13)
      NETStandard.Library (>= 1.6.1) - restriction: || (>= net451) (>= netstandard13)
      System.Reflection.TypeExtensions (>= 4.3) - restriction: && (< net451) (>= netstandard13)
    Microsoft.Extensions.Primitives (1.1.1) - restriction: || (>= net451) (>= netstandard13)
      NETStandard.Library (>= 1.6.1) - restriction: >= netstandard10
      System.Runtime.CompilerServices.Unsafe (>= 4.3) - restriction: >= netstandard10
    Microsoft.Net.Http.Headers (1.1.2) - restriction: || (>= net451) (>= netstandard13)
      Microsoft.Extensions.Primitives (>= 1.1.1) - restriction: >= netstandard11
      NETStandard.Library (>= 1.6.1) - restriction: >= netstandard11
      System.Buffers (>= 4.3) - restriction: >= netstandard11
      System.Diagnostics.Contracts (>= 4.3) - restriction: >= netstandard11
    Microsoft.NETCore.Platforms (1.1) - restriction: || (&& (< net20) (>= netstandard10)) (&& (< net20) (>= netstandard11) (< netstandard12) (< win8)) (&& (< net20) (>= netstandard11) (< win8) (< wpa81)) (&& (< net20) (>= netstandard12) (< win8) (< wpa81)) (&& (< net20) (>= netstandard15)) (&& (< net45) (>= netstandard10) (< netstandard12) (< win8) (< wp8)) (&& (< net45) (>= netstandard10) (< win8) (< wp8) (< wpa81)) (&& (< net45) (>= netstandard11) (< netstandard12) (< win8)) (&& (< net45) (>= netstandard11) (< win8) (< wpa81)) (&& (< net45) (>= netstandard12) (< win8) (< wpa81)) (&& (< net45) (>= netstandard12) (< win81) (< wpa81)) (&& (< net45) (>= netstandard15)) (>= net451) (>= dnxcore50) (>= netstandard13)
    Microsoft.NETCore.Targets (1.1) - restriction: || (&& (< net20) (>= netstandard10) (< netstandard11) (< win8) (< wp8)) (&& (< net20) (>= netstandard10) (< win8) (< wp8) (< wpa81)) (&& (< net20) (>= netstandard11) (< netstandard12) (< win8)) (&& (< net20) (>= netstandard11) (< win8) (< wpa81)) (&& (< net20) (>= netstandard12) (< netstandard13) (< win8) (< wpa81)) (&& (< net20) (>= netstandard13) (< win8) (< wpa81)) (&& (< net20) (>= netstandard15)) (&& (< net45) (>= net451)) (&& (< net45) (>= netstandard10) (< netstandard12) (< win8) (< wp8)) (&& (< net45) (>= netstandard10) (< netstandard13) (< win8) (< wp8) (< wpa81)) (&& (< net45) (>= netstandard11) (< netstandard12) (< win8)) (&& (< net45) (>= netstandard11) (< netstandard13) (< win8) (< wpa81)) (&& (< net45) (>= netstandard12) (< netstandard13) (< win8) (< wpa81)) (&& (< net45) (>= netstandard12) (< win81) (< wpa81)) (&& (< net45) (< netstandard12) (>= netstandard13) (< win8)) (&& (< net45) (>= netstandard13) (< win8) (< wpa81)) (&& (< net45) (>= netstandard15)) (&& (>= net451) (< netstandard11)) (&& (< net451) (>= netstandard13)) (&& (< net46) (>= netstandard13)) (>= dnxcore50) (&& (< netstandard11) (>= netstandard13) (< win8)) (>= netstandard16)
    Microsoft.Win32.Primitives (4.3) - restriction: >= netstandard13
      Microsoft.NETCore.Platforms (>= 1.1) - restriction: && (< net46) (>= netstandard13)
      Microsoft.NETCore.Targets (>= 1.1) - restriction: && (< net46) (>= netstandard13)
      System.Runtime (>= 4.3) - restriction: && (< net46) (>= netstandard13)
    Mono.Cecil (0.10.0-beta6)
      System.Collections (>= 4.0.11) - restriction: && (< net35) (>= netstandard13)
      System.IO.FileSystem (>= 4.0.1) - restriction: && (< net35) (>= netstandard13)
      System.IO.FileSystem.Primitives (>= 4.0.1) - restriction: && (< net35) (>= netstandard13)
      System.Reflection (>= 4.1) - restriction: && (< net35) (>= netstandard13)
      System.Runtime.Extensions (>= 4.1) - restriction: && (< net35) (>= netstandard13)
      System.Security.Cryptography.Algorithms (>= 4.2) - restriction: && (< net35) (>= netstandard13)
      System.Security.Cryptography.Csp (>= 4.0) - restriction: && (< net35) (>= netstandard13)
      System.Threading (>= 4.0.11) - restriction: && (< net35) (>= netstandard13)
    NETStandard.Library (1.6.1) - restriction: || (&& (< net20) (>= netstandard10)) (>= net451) (>= netstandard13)
      Microsoft.NETCore.Platforms (>= 1.1) - restriction: >= netstandard10
      Microsoft.Win32.Primitives (>= 4.3) - restriction: >= netstandard13
      System.AppContext (>= 4.3) - restriction: >= netstandard13
      System.Collections (>= 4.3) - restriction: >= netstandard10
      System.Collections.Concurrent (>= 4.3) - restriction: >= netstandard11
      System.Console (>= 4.3) - restriction: >= netstandard13
      System.Diagnostics.Debug (>= 4.3) - restriction: >= netstandard10
      System.Diagnostics.Tools (>= 4.3) - restriction: >= netstandard10
      System.Diagnostics.Tracing (>= 4.3) - restriction: >= netstandard11
      System.Globalization (>= 4.3) - restriction: >= netstandard10
      System.Globalization.Calendars (>= 4.3) - restriction: >= netstandard13
      System.IO (>= 4.3) - restriction: >= netstandard10
      System.IO.Compression (>= 4.3) - restriction: >= netstandard11
      System.IO.Compression.ZipFile (>= 4.3) - restriction: >= netstandard13
      System.IO.FileSystem (>= 4.3) - restriction: >= netstandard13
      System.IO.FileSystem.Primitives (>= 4.3) - restriction: >= netstandard13
      System.Linq (>= 4.3) - restriction: >= netstandard10
      System.Linq.Expressions (>= 4.3) - restriction: >= netstandard10
      System.Net.Http (>= 4.3) - restriction: >= netstandard11
      System.Net.Primitives (>= 4.3) - restriction: >= netstandard10
      System.Net.Sockets (>= 4.3) - restriction: >= netstandard13
      System.ObjectModel (>= 4.3) - restriction: >= netstandard10
      System.Reflection (>= 4.3) - restriction: >= netstandard10
      System.Reflection.Extensions (>= 4.3) - restriction: >= netstandard10
      System.Reflection.Primitives (>= 4.3) - restriction: >= netstandard10
      System.Resources.ResourceManager (>= 4.3) - restriction: >= netstandard10
      System.Runtime (>= 4.3) - restriction: >= netstandard10
      System.Runtime.Extensions (>= 4.3) - restriction: >= netstandard10
      System.Runtime.Handles (>= 4.3) - restriction: >= netstandard13
      System.Runtime.InteropServices (>= 4.3) - restriction: >= netstandard11
      System.Runtime.InteropServices.RuntimeInformation (>= 4.3) - restriction: >= netstandard11
      System.Runtime.Numerics (>= 4.3) - restriction: >= netstandard11
      System.Security.Cryptography.Algorithms (>= 4.3) - restriction: >= netstandard13
      System.Security.Cryptography.Encoding (>= 4.3) - restriction: >= netstandard13
      System.Security.Cryptography.Primitives (>= 4.3) - restriction: >= netstandard13
      System.Security.Cryptography.X509Certificates (>= 4.3) - restriction: >= netstandard13
      System.Text.Encoding (>= 4.3) - restriction: >= netstandard10
      System.Text.Encoding.Extensions (>= 4.3) - restriction: >= netstandard10
      System.Text.RegularExpressions (>= 4.3) - restriction: >= netstandard10
      System.Threading (>= 4.3) - restriction: >= netstandard10
      System.Threading.Tasks (>= 4.3) - restriction: >= netstandard10
      System.Threading.Timer (>= 4.3) - restriction: >= netstandard12
      System.Xml.ReaderWriter (>= 4.3) - restriction: >= netstandard10
      System.Xml.XDocument (>= 4.3) - restriction: >= netstandard10
    Newtonsoft.Json (10.0.3)
      Microsoft.CSharp (>= 4.3) - restriction: || (&& (< net20) (>= netstandard10) (< netstandard13)) (&& (< net20) (>= netstandard13))
      NETStandard.Library (>= 1.6.1) - restriction: || (&& (< net20) (>= netstandard10) (< netstandard13)) (&& (< net20) (>= netstandard13))
      System.ComponentModel.TypeConverter (>= 4.3) - restriction: || (&& (< net20) (>= netstandard10) (< netstandard13)) (&& (< net20) (>= netstandard13))
      System.Runtime.Serialization.Formatters (>= 4.3) - restriction: && (< net20) (>= netstandard13)
      System.Runtime.Serialization.Primitives (>= 4.3) - restriction: || (&& (< net20) (>= netstandard10) (< netstandard13)) (&& (< net20) (>= netstandard13))
      System.Xml.XmlDocument (>= 4.3) - restriction: && (< net20) (>= netstandard13)
    runtime.debian.8-x64.runtime.native.System.Security.Cryptography.OpenSsl (4.3.1) - restriction: || (&& (< net45) (>= netstandard13) (< win8) (< wpa81)) (&& (< net46) (>= netstandard13)) (>= netstandard16)
    runtime.fedora.23-x64.runtime.native.System.Security.Cryptography.OpenSsl (4.3.1) - restriction: || (&& (< net45) (>= netstandard13) (< win8) (< wpa81)) (&& (< net46) (>= netstandard13)) (>= netstandard16)
    runtime.fedora.24-x64.runtime.native.System.Security.Cryptography.OpenSsl (4.3.1) - restriction: || (&& (< net45) (>= netstandard13) (< win8) (< wpa81)) (&& (< net46) (>= netstandard13)) (>= netstandard16)
    runtime.native.System (4.3) - restriction: || (&& (< net20) (>= netstandard11) (< win8) (< wpa81)) (&& (< net20) (>= netstandard13) (< win8) (< wpa81)) (&& (< net45) (>= net451)) (&& (< net45) (>= netstandard13) (< win8) (< wpa81)) (&& (< net451) (>= netstandard13)) (>= netstandard16)
      Microsoft.NETCore.Platforms (>= 1.1)
      Microsoft.NETCore.Targets (>= 1.1)
    runtime.native.System.IO.Compression (4.3) - restriction: || (&& (< net20) (>= netstandard13) (< win8) (< wpa81)) (&& (< net45) (>= net451) (>= netstandard13)) (&& (< net45) (>= netstandard13) (< win8) (< wpa81)) (&& (>= net451) (>= dnxcore50)) (&& (>= dnxcore50) (>= netstandard11)) (&& (>= dnxcore50) (>= netstandard13))
      Microsoft.NETCore.Platforms (>= 1.1)
      Microsoft.NETCore.Targets (>= 1.1)
    runtime.native.System.Net.Http (4.3) - restriction: >= netstandard16
      Microsoft.NETCore.Platforms (>= 1.1)
      Microsoft.NETCore.Targets (>= 1.1)
    runtime.native.System.Security.Cryptography.Apple (4.3) - restriction: >= netstandard16
      runtime.osx.10.10-x64.runtime.native.System.Security.Cryptography.Apple (>= 4.3)
    runtime.native.System.Security.Cryptography.OpenSsl (4.3.1) - restriction: || (&& (< net45) (>= netstandard13) (< win8) (< wpa81)) (&& (< net46) (>= netstandard13)) (>= netstandard16)
      runtime.debian.8-x64.runtime.native.System.Security.Cryptography.OpenSsl (>= 4.3.1)
      runtime.fedora.23-x64.runtime.native.System.Security.Cryptography.OpenSsl (>= 4.3.1)
      runtime.fedora.24-x64.runtime.native.System.Security.Cryptography.OpenSsl (>= 4.3.1)
      runtime.opensuse.13.2-x64.runtime.native.System.Security.Cryptography.OpenSsl (>= 4.3.1)
      runtime.opensuse.42.1-x64.runtime.native.System.Security.Cryptography.OpenSsl (>= 4.3.1)
      runtime.osx.10.10-x64.runtime.native.System.Security.Cryptography.OpenSsl (>= 4.3.1)
      runtime.rhel.7-x64.runtime.native.System.Security.Cryptography.OpenSsl (>= 4.3.1)
      runtime.ubuntu.14.04-x64.runtime.native.System.Security.Cryptography.OpenSsl (>= 4.3.1)
      runtime.ubuntu.16.04-x64.runtime.native.System.Security.Cryptography.OpenSsl (>= 4.3.1)
      runtime.ubuntu.16.10-x64.runtime.native.System.Security.Cryptography.OpenSsl (>= 4.3.1)
    runtime.opensuse.13.2-x64.runtime.native.System.Security.Cryptography.OpenSsl (4.3.1) - restriction: || (&& (< net45) (>= netstandard13) (< win8) (< wpa81)) (&& (< net46) (>= netstandard13)) (>= netstandard16)
    runtime.opensuse.42.1-x64.runtime.native.System.Security.Cryptography.OpenSsl (4.3.1) - restriction: || (&& (< net45) (>= netstandard13) (< win8) (< wpa81)) (&& (< net46) (>= netstandard13)) (>= netstandard16)
    runtime.osx.10.10-x64.runtime.native.System.Security.Cryptography.Apple (4.3) - restriction: >= netstandard16
    runtime.osx.10.10-x64.runtime.native.System.Security.Cryptography.OpenSsl (4.3.1) - restriction: || (&& (< net45) (>= netstandard13) (< win8) (< wpa81)) (&& (< net46) (>= netstandard13)) (>= netstandard16)
    runtime.rhel.7-x64.runtime.native.System.Security.Cryptography.OpenSsl (4.3.1) - restriction: || (&& (< net45) (>= netstandard13) (< win8) (< wpa81)) (&& (< net46) (>= netstandard13)) (>= netstandard16)
    runtime.ubuntu.14.04-x64.runtime.native.System.Security.Cryptography.OpenSsl (4.3.1) - restriction: || (&& (< net45) (>= netstandard13) (< win8) (< wpa81)) (&& (< net46) (>= netstandard13)) (>= netstandard16)
    runtime.ubuntu.16.04-x64.runtime.native.System.Security.Cryptography.OpenSsl (4.3.1) - restriction: || (&& (< net45) (>= netstandard13) (< win8) (< wpa81)) (&& (< net46) (>= netstandard13)) (>= netstandard16)
    runtime.ubuntu.16.10-x64.runtime.native.System.Security.Cryptography.OpenSsl (4.3.1) - restriction: || (&& (< net45) (>= netstandard13) (< win8) (< wpa81)) (&& (< net46) (>= netstandard13)) (>= netstandard16)
    Serilog (2.5)
      Microsoft.CSharp (>= 4.0.1) - restriction: || (&& (< net45) (>= netstandard10) (< netstandard13)) (&& (< net45) (>= netstandard13))
      System.Collections (>= 4.0.11) - restriction: || (&& (< net45) (>= netstandard10) (< netstandard13)) (&& (< net45) (>= netstandard13))
      System.Collections.NonGeneric (>= 4.0.1) - restriction: && (< net45) (>= netstandard13)
      System.Dynamic.Runtime (>= 4.0.11) - restriction: || (&& (< net45) (>= netstandard10) (< netstandard13)) (&& (< net45) (>= netstandard13))
      System.Globalization (>= 4.0.11) - restriction: || (&& (< net45) (>= netstandard10) (< netstandard13)) (&& (< net45) (>= netstandard13))
      System.Linq (>= 4.1) - restriction: || (&& (< net45) (>= netstandard10) (< netstandard13)) (&& (< net45) (>= netstandard13))
      System.Reflection (>= 4.1) - restriction: || (&& (< net45) (>= netstandard10) (< netstandard13)) (&& (< net45) (>= netstandard13))
      System.Reflection.Extensions (>= 4.0.1) - restriction: || (&& (< net45) (>= netstandard10) (< netstandard13)) (&& (< net45) (>= netstandard13))
      System.Runtime (>= 4.1) - restriction: || (&& (< net45) (>= netstandard10) (< netstandard13)) (&& (< net45) (>= netstandard13))
      System.Runtime.Extensions (>= 4.1) - restriction: || (&& (< net45) (>= netstandard10) (< netstandard13)) (&& (< net45) (>= netstandard13))
      System.Text.RegularExpressions (>= 4.1) - restriction: || (&& (< net45) (>= netstandard10) (< netstandard13)) (&& (< net45) (>= netstandard13))
      System.Threading (>= 4.0.11) - restriction: || (&& (< net45) (>= netstandard10) (< netstandard13)) (&& (< net45) (>= netstandard13))
    Serilog.Sinks.PeriodicBatching (2.1.1)
      Serilog (>= 2.0) - restriction: >= netstandard11
      System.Collections.Concurrent (>= 4.0.12) - restriction: || (&& (< net45) (>= netstandard11) (< netstandard12)) (&& (< net45) (>= netstandard12))
      System.Threading.Timer (>= 4.0.1) - restriction: && (< net45) (>= netstandard12)
    System.AppContext (4.3) - restriction: >= netstandard13
      System.Runtime (>= 4.3) - restriction: || (&& (< net46) (>= netstandard13)) (>= dnxcore50) (>= netstandard16)
    System.Buffers (4.3) - restriction: || (>= net451) (&& (>= dnxcore50) (>= netstandard11)) (>= netstandard13)
      System.Diagnostics.Debug (>= 4.3) - restriction: && (< net45) (>= netstandard11) (< win8) (< wpa81)
      System.Diagnostics.Tracing (>= 4.3) - restriction: && (< net45) (>= netstandard11) (< win8) (< wpa81)
      System.Resources.ResourceManager (>= 4.3) - restriction: && (< net45) (>= netstandard11) (< win8) (< wpa81)
      System.Runtime (>= 4.3) - restriction: && (< net45) (>= netstandard11) (< win8) (< wpa81)
      System.Threading (>= 4.3) - restriction: && (< net45) (>= netstandard11) (< win8) (< wpa81)
    System.Collections (4.3) - restriction: || (&& (< net20) (>= netstandard10)) (&& (< net20) (>= netstandard14)) (&& (< net20) (>= netstandard15)) (&& (< net45) (>= netstandard10)) (>= net451) (>= dnxcore50) (>= netstandard13) (&& (>= netstandard16) (< netcore11)) (&& (>= netstandard16) (< netcore20))
      Microsoft.NETCore.Platforms (>= 1.1) - restriction: || (&& (< net45) (>= netstandard10) (< netstandard13) (< win8) (< wp8) (< wpa81)) (&& (< net45) (>= netstandard13) (< win8) (< wpa81)) (>= dnxcore50)
      Microsoft.NETCore.Targets (>= 1.1) - restriction: || (&& (< net45) (>= netstandard10) (< netstandard13) (< win8) (< wp8) (< wpa81)) (&& (< net45) (>= netstandard13) (< win8) (< wpa81)) (>= dnxcore50)
      System.Runtime (>= 4.3) - restriction: || (&& (< net45) (>= netstandard10) (< netstandard13) (< win8) (< wp8) (< wpa81)) (&& (< net45) (>= netstandard13) (< win8) (< wpa81)) (>= dnxcore50)
    System.Collections.Concurrent (4.3) - restriction: || (&& (< net20) (>= netstandard11)) (&& (< net45) (>= netstandard11) (< netstandard12)) (&& (< net45) (>= netstandard12)) (>= net451) (>= netstandard13)
      System.Collections (>= 4.3) - restriction: || (&& (< net45) (>= netstandard13) (< win8) (< wpa81)) (>= dnxcore50)
      System.Diagnostics.Debug (>= 4.3) - restriction: || (&& (< net45) (>= netstandard13) (< win8) (< wpa81)) (>= dnxcore50)
      System.Diagnostics.Tracing (>= 4.3) - restriction: || (&& (< net45) (>= netstandard13) (< win8) (< wpa81)) (>= dnxcore50)
      System.Globalization (>= 4.3) - restriction: || (&& (< net45) (>= netstandard13) (< win8) (< wpa81)) (>= dnxcore50)
      System.Reflection (>= 4.3) - restriction: && (< net45) (>= netstandard13) (< win8) (< wpa81)
      System.Resources.ResourceManager (>= 4.3) - restriction: || (&& (< net45) (>= netstandard13) (< win8) (< wpa81)) (>= dnxcore50)
      System.Runtime (>= 4.3) - restriction: || (&& (< net45) (>= netstandard11) (< netstandard13) (< win8) (< wpa81)) (&& (< net45) (>= netstandard13) (< win8) (< wpa81)) (>= dnxcore50)
      System.Runtime.Extensions (>= 4.3) - restriction: || (&& (< net45) (>= netstandard13) (< win8) (< wpa81)) (>= dnxcore50)
      System.Threading (>= 4.3) - restriction: || (&& (< net45) (>= netstandard13) (< win8) (< wpa81)) (>= dnxcore50)
      System.Threading.Tasks (>= 4.3) - restriction: || (&& (< net45) (>= netstandard11) (< netstandard13) (< win8) (< wpa81)) (&& (< net45) (>= netstandard13) (< win8) (< wpa81)) (>= dnxcore50)
    System.Collections.Immutable (1.3.1) - restriction: || (&& (>= net45) (>= netstandard13)) (>= net451) (&& (< netstandard11) (>= netstandard13) (>= win8)) (&& (>= netstandard13) (>= monoandroid)) (&& (>= netstandard13) (>= monotouch)) (&& (>= netstandard13) (>= xamarinios)) (&& (>= netstandard13) (>= xamarinmac)) (&& (>= netstandard13) (< win8)) (&& (>= netstandard13) (>= wpa81))
      System.Collections (>= 4.3) - restriction: && (< net45) (>= netstandard10) (< win8) (< wp8) (< wpa81)
      System.Diagnostics.Debug (>= 4.3) - restriction: && (< net45) (>= netstandard10) (< win8) (< wp8) (< wpa81)
      System.Globalization (>= 4.3) - restriction: && (< net45) (>= netstandard10) (< win8) (< wp8) (< wpa81)
      System.Linq (>= 4.3) - restriction: && (< net45) (>= netstandard10) (< win8) (< wp8) (< wpa81)
      System.Resources.ResourceManager (>= 4.3) - restriction: && (< net45) (>= netstandard10) (< win8) (< wp8) (< wpa81)
      System.Runtime (>= 4.3) - restriction: && (< net45) (>= netstandard10) (< win8) (< wp8) (< wpa81)
      System.Runtime.Extensions (>= 4.3) - restriction: && (< net45) (>= netstandard10) (< win8) (< wp8) (< wpa81)
      System.Threading (>= 4.3) - restriction: && (< net45) (>= netstandard10) (< win8) (< wp8) (< wpa81)
    System.Collections.NonGeneric (4.3) - restriction: || (&& (< net20) (>= netstandard15)) (&& (< net45) (>= netstandard13)) (&& (< net45) (>= netstandard15)) (>= net462)
      System.Diagnostics.Debug (>= 4.3) - restriction: && (< net46) (>= netstandard13)
      System.Globalization (>= 4.3) - restriction: && (< net46) (>= netstandard13)
      System.Resources.ResourceManager (>= 4.3) - restriction: && (< net46) (>= netstandard13)
      System.Runtime (>= 4.3) - restriction: && (< net46) (>= netstandard13)
      System.Runtime.Extensions (>= 4.3) - restriction: && (< net46) (>= netstandard13)
      System.Threading (>= 4.3) - restriction: && (< net46) (>= netstandard13)
    System.Collections.Specialized (4.3) - restriction: && (< net20) (>= netstandard15)
      System.Collections.NonGeneric (>= 4.3) - restriction: && (< net46) (>= netstandard13)
      System.Globalization (>= 4.3) - restriction: && (< net46) (>= netstandard13)
      System.Globalization.Extensions (>= 4.3) - restriction: && (< net46) (>= netstandard13)
      System.Resources.ResourceManager (>= 4.3) - restriction: && (< net46) (>= netstandard13)
      System.Runtime (>= 4.3) - restriction: && (< net46) (>= netstandard13)
      System.Runtime.Extensions (>= 4.3) - restriction: && (< net46) (>= netstandard13)
      System.Threading (>= 4.3) - restriction: && (< net46) (>= netstandard13)
    System.ComponentModel (4.3) - restriction: || (&& (< net20) (>= netstandard10) (< win8) (< wp8) (< wpa81)) (&& (< net20) (>= netstandard15)) (>= net451) (>= netstandard13)
      System.Runtime (>= 4.3) - restriction: || (&& (< net45) (>= netstandard10) (< netstandard13) (< win8) (< wp8) (< wpa81)) (&& (< net45) (>= netstandard13) (< win8) (< wpa81)) (>= dnxcore50)
    System.ComponentModel.Primitives (4.3) - restriction: || (&& (< net20) (>= net45) (< netstandard13)) (&& (< net20) (>= net45) (< netstandard15)) (&& (< net20) (>= netstandard10) (< netstandard13) (< win8)) (&& (< net20) (>= netstandard10) (< netstandard15) (< win8)) (&& (< net20) (>= netstandard13) (< netstandard15) (< win8)) (&& (< net20) (>= netstandard15)) (&& (>= net45) (>= netstandard13) (< netstandard15)) (&& (< net45) (>= netstandard13) (< netstandard15) (< win8)) (&& (< net45) (>= netstandard15)) (&& (>= net451) (< netstandard10) (>= win8)) (&& (>= net451) (< netstandard15)) (>= net462) (&& (< netstandard10) (>= netstandard13) (>= win8)) (>= wp8) (>= wpa81)
      System.ComponentModel (>= 4.3) - restriction: && (< net45) (>= netstandard10) (< win8) (< wp8) (< wpa81)
      System.Resources.ResourceManager (>= 4.3) - restriction: && (< net45) (>= netstandard10) (< win8) (< wp8) (< wpa81)
      System.Runtime (>= 4.3) - restriction: && (< net45) (>= netstandard10) (< win8) (< wp8) (< wpa81)
    System.ComponentModel.TypeConverter (4.3) - restriction: || (&& (< net20) (>= netstandard10)) (>= net451) (>= netstandard13)
      System.Collections (>= 4.3) - restriction: || (&& (< net45) (>= netstandard10) (< netstandard15) (< win8) (< wp8) (< wpa81)) (&& (< net45) (>= netstandard15))
      System.Collections.NonGeneric (>= 4.3) - restriction: || (&& (< net45) (>= netstandard15)) (>= net462)
      System.Collections.Specialized (>= 4.3) - restriction: && (< net45) (>= netstandard15)
      System.ComponentModel (>= 4.3) - restriction: || (&& (< net45) (>= netstandard10) (< netstandard15) (< win8) (< wp8) (< wpa81)) (&& (< net45) (>= netstandard15))
      System.ComponentModel.Primitives (>= 4.3) - restriction: || (&& (>= net45) (< netstandard15)) (&& (< net45) (>= netstandard10) (< netstandard15) (< win8)) (&& (< net45) (>= netstandard15)) (>= net462) (&& (< netstandard10) (>= win8)) (>= wp8) (>= wpa81)
      System.Globalization (>= 4.3) - restriction: || (&& (< net45) (>= netstandard10) (< netstandard15) (< win8) (< wp8) (< wpa81)) (&& (< net45) (>= netstandard15))
      System.Linq (>= 4.3) - restriction: && (< net45) (>= netstandard15)
      System.Reflection (>= 4.3) - restriction: || (&& (< net45) (>= netstandard10) (< netstandard15) (< win8) (< wp8) (< wpa81)) (&& (< net45) (>= netstandard15))
      System.Reflection.Extensions (>= 4.3) - restriction: || (&& (< net45) (>= netstandard10) (< netstandard15) (< win8) (< wp8) (< wpa81)) (&& (< net45) (>= netstandard15))
      System.Reflection.Primitives (>= 4.3) - restriction: || (&& (< net45) (>= netstandard10) (< netstandard15) (< win8) (< wp8) (< wpa81)) (&& (< net45) (>= netstandard15))
      System.Reflection.TypeExtensions (>= 4.3) - restriction: && (< net45) (>= netstandard15)
      System.Resources.ResourceManager (>= 4.3) - restriction: || (&& (< net45) (>= netstandard10) (< netstandard15) (< win8) (< wp8) (< wpa81)) (&& (< net45) (>= netstandard15))
      System.Runtime (>= 4.3) - restriction: || (&& (< net45) (>= netstandard10) (< netstandard15) (< win8) (< wp8) (< wpa81)) (&& (< net45) (>= netstandard15))
      System.Runtime.Extensions (>= 4.3) - restriction: || (&& (< net45) (>= netstandard10) (< netstandard15) (< win8) (< wp8) (< wpa81)) (&& (< net45) (>= netstandard15))
      System.Threading (>= 4.3) - restriction: || (&& (< net45) (>= netstandard10) (< netstandard15) (< win8) (< wp8) (< wpa81)) (&& (< net45) (>= netstandard15))
    System.Console (4.3) - restriction: >= netstandard13
      Microsoft.NETCore.Platforms (>= 1.1) - restriction: && (< net46) (>= netstandard13)
      Microsoft.NETCore.Targets (>= 1.1) - restriction: && (< net46) (>= netstandard13)
      System.IO (>= 4.3) - restriction: && (< net46) (>= netstandard13)
      System.Runtime (>= 4.3) - restriction: && (< net46) (>= netstandard13)
      System.Text.Encoding (>= 4.3) - restriction: && (< net46) (>= netstandard13)
    System.Diagnostics.Contracts (4.3) - restriction: || (>= net451) (>= netstandard13)
      System.Runtime (>= 4.3) - restriction: || (&& (< net45) (>= netstandard10) (< win8) (< wp8) (< wpa81)) (>= dnxcore50)
    System.Diagnostics.Debug (4.3) - restriction: || (&& (< net20) (>= netstandard10)) (>= net451) (>= dnxcore50) (>= netstandard13) (&& (>= netstandard16) (< netcore20))
      Microsoft.NETCore.Platforms (>= 1.1) - restriction: || (&& (< net45) (>= netstandard10) (< netstandard13) (< win8) (< wp8) (< wpa81)) (&& (< net45) (>= netstandard13) (< win8) (< wpa81)) (>= dnxcore50)
      Microsoft.NETCore.Targets (>= 1.1) - restriction: || (&& (< net45) (>= netstandard10) (< netstandard13) (< win8) (< wp8) (< wpa81)) (&& (< net45) (>= netstandard13) (< win8) (< wpa81)) (>= dnxcore50)
      System.Runtime (>= 4.3) - restriction: || (&& (< net45) (>= netstandard10) (< netstandard13) (< win8) (< wp8) (< wpa81)) (&& (< net45) (>= netstandard13) (< win8) (< wpa81)) (>= dnxcore50)
    System.Diagnostics.DiagnosticSource (4.4) - restriction: || (>= net451) (>= dnxcore50) (>= netstandard13)
      System.Collections (>= 4.3) - restriction: || (&& (< net45) (>= netstandard11) (< netstandard13)) (&& (< net45) (>= netstandard13) (< netcore20))
      System.Diagnostics.Debug (>= 4.3) - restriction: && (< net45) (>= netstandard13) (< netcore20)
      System.Diagnostics.Tracing (>= 4.3) - restriction: || (&& (< net45) (>= netstandard11) (< netstandard13)) (&& (< net45) (>= netstandard13) (< netcore20))
      System.Reflection (>= 4.3) - restriction: || (&& (< net45) (>= netstandard11) (< netstandard13)) (&& (< net45) (>= netstandard13) (< netcore20))
      System.Runtime (>= 4.3) - restriction: || (&& (< net45) (>= netstandard11) (< netstandard13)) (&& (< net45) (>= netstandard13) (< netcore20))
      System.Runtime.Extensions (>= 4.3) - restriction: && (< net45) (>= netstandard13) (< netcore20)
      System.Threading (>= 4.3) - restriction: || (&& (< net45) (>= netstandard11) (< netstandard13)) (&& (< net45) (>= netstandard13) (< netcore20))
    System.Diagnostics.FileVersionInfo (4.3) - restriction: >= netstandard16
      Microsoft.NETCore.Platforms (>= 1.1) - restriction: || (&& (< net46) (>= netstandard13)) (>= dnxcore50)
      System.Globalization (>= 4.3) - restriction: && (< net46) (>= netstandard13)
      System.IO (>= 4.3) - restriction: || (&& (< net46) (>= netstandard13)) (>= dnxcore50)
      System.IO.FileSystem (>= 4.3) - restriction: || (&& (< net46) (>= netstandard13)) (>= dnxcore50)
      System.IO.FileSystem.Primitives (>= 4.3) - restriction: || (&& (< net46) (>= netstandard13)) (>= dnxcore50)
      System.Reflection.Metadata (>= 1.4.1) - restriction: || (&& (< net46) (>= netstandard13)) (>= dnxcore50)
      System.Runtime (>= 4.3) - restriction: || (&& (< net46) (>= netstandard13)) (>= dnxcore50)
      System.Runtime.Extensions (>= 4.3) - restriction: || (&& (< net46) (>= netstandard13)) (>= dnxcore50)
      System.Runtime.InteropServices (>= 4.3) - restriction: && (< net46) (>= netstandard13)
    System.Diagnostics.StackTrace (4.3) - restriction: || (&& (< net451) (>= netstandard13)) (&& (< net451) (>= netstandard15))
      System.IO.FileSystem (>= 4.3) - restriction: && (< net46) (>= netstandard13)
      System.Reflection (>= 4.3) - restriction: && (< net46) (>= netstandard13)
      System.Reflection.Metadata (>= 1.4.1) - restriction: && (< net46) (>= netstandard13)
      System.Runtime (>= 4.3) - restriction: && (< net46) (>= netstandard13)
    System.Diagnostics.Tools (4.3) - restriction: || (&& (< net20) (>= netstandard10)) (>= net451) (&& (>= dnxcore50) (>= netstandard10)) (>= netstandard13)
      Microsoft.NETCore.Platforms (>= 1.1) - restriction: || (&& (< net45) (>= netstandard10) (< win8) (< wp8) (< wpa81)) (>= dnxcore50)
      Microsoft.NETCore.Targets (>= 1.1) - restriction: || (&& (< net45) (>= netstandard10) (< win8) (< wp8) (< wpa81)) (>= dnxcore50)
      System.Runtime (>= 4.3) - restriction: || (&& (< net45) (>= netstandard10) (< win8) (< wp8) (< wpa81)) (>= dnxcore50)
    System.Diagnostics.TraceSource (4.3) - restriction: >= netstandard16
      Microsoft.NETCore.Platforms (>= 1.1) - restriction: && (< net46) (>= netstandard13)
      runtime.native.System (>= 4.3) - restriction: && (< net46) (>= netstandard13)
      System.Collections (>= 4.3) - restriction: && (< net46) (>= netstandard13)
      System.Diagnostics.Debug (>= 4.3) - restriction: && (< net46) (>= netstandard13)
      System.Globalization (>= 4.3) - restriction: && (< net46) (>= netstandard13)
      System.Resources.ResourceManager (>= 4.3) - restriction: && (< net46) (>= netstandard13)
      System.Runtime (>= 4.3) - restriction: && (< net46) (>= netstandard13)
      System.Runtime.Extensions (>= 4.3) - restriction: && (< net46) (>= netstandard13)
      System.Threading (>= 4.3) - restriction: && (< net46) (>= netstandard13)
    System.Diagnostics.Tracing (4.3) - restriction: || (&& (< net20) (>= netstandard11)) (>= net451) (>= dnxcore50) (>= netstandard13) (&& (>= netstandard16) (< netcore20))
      Microsoft.NETCore.Platforms (>= 1.1) - restriction: || (&& (< net45) (>= netstandard11) (< netstandard12) (< win8)) (&& (< net45) (>= netstandard12) (< netstandard13) (< win8) (< wpa81)) (&& (< net45) (>= netstandard13) (< netstandard15) (< win8) (< wpa81)) (&& (< net45) (>= netstandard15)) (>= dnxcore50)
      Microsoft.NETCore.Targets (>= 1.1) - restriction: || (&& (< net45) (>= netstandard11) (< netstandard12) (< win8)) (&& (< net45) (>= netstandard12) (< netstandard13) (< win8) (< wpa81)) (&& (< net45) (>= netstandard13) (< netstandard15) (< win8) (< wpa81)) (&& (< net45) (>= netstandard15)) (>= dnxcore50)
      System.Runtime (>= 4.3) - restriction: || (&& (< net45) (>= netstandard11) (< netstandard12) (< win8)) (&& (< net45) (>= netstandard12) (< netstandard13) (< win8) (< wpa81)) (&& (< net45) (>= netstandard13) (< netstandard15) (< win8) (< wpa81)) (&& (< net45) (>= netstandard15)) (>= dnxcore50)
    System.Dynamic.Runtime (4.3) - restriction: || (&& (< net20) (>= netstandard10) (< netstandard13) (< win8) (< wp8) (< wpa81)) (&& (< net20) (>= netstandard13) (< win8) (< wpa81)) (&& (< net45) (>= netstandard10) (< netstandard13)) (&& (< net45) (>= netstandard13)) (&& (< net451) (>= netstandard13)) (&& (>= dnxcore50) (>= netstandard10)) (&& (>= dnxcore50) (>= netstandard13))
      System.Collections (>= 4.3) - restriction: || (&& (< net45) (>= netstandard13) (< win8) (< wpa81)) (>= dnxcore50)
      System.Diagnostics.Debug (>= 4.3) - restriction: || (&& (< net45) (>= netstandard13) (< win8) (< wpa81)) (>= dnxcore50)
      System.Linq (>= 4.3) - restriction: || (&& (< net45) (>= netstandard13) (< win8) (< wpa81)) (>= dnxcore50)
      System.Linq.Expressions (>= 4.3) - restriction: || (&& (< net45) (>= netstandard10) (< netstandard13) (< win8) (< wp8) (< wpa81)) (&& (< net45) (>= netstandard13) (< win8) (< wpa81)) (>= dnxcore50)
      System.ObjectModel (>= 4.3) - restriction: || (&& (< net45) (>= netstandard10) (< netstandard13) (< win8) (< wp8) (< wpa81)) (&& (< net45) (>= netstandard13) (< win8) (< wpa81)) (>= dnxcore50)
      System.Reflection (>= 4.3) - restriction: || (&& (< net45) (>= netstandard10) (< netstandard13) (< win8) (< wp8) (< wpa81)) (&& (< net45) (>= netstandard13) (< win8) (< wpa81)) (>= dnxcore50)
      System.Reflection.Emit (>= 4.3) - restriction: && (< net45) (>= netstandard13) (< win8) (< wpa81)
      System.Reflection.Emit.ILGeneration (>= 4.3) - restriction: && (< net45) (>= netstandard13) (< win8) (< wpa81)
      System.Reflection.Primitives (>= 4.3) - restriction: && (< net45) (>= netstandard13) (< win8) (< wpa81)
      System.Reflection.TypeExtensions (>= 4.3) - restriction: || (&& (< net45) (>= netstandard13) (< win8) (< wpa81)) (>= dnxcore50)
      System.Resources.ResourceManager (>= 4.3) - restriction: || (&& (< net45) (>= netstandard13) (< win8) (< wpa81)) (>= dnxcore50)
      System.Runtime (>= 4.3) - restriction: || (&& (< net45) (>= netstandard10) (< netstandard13) (< win8) (< wp8) (< wpa81)) (&& (< net45) (>= netstandard13) (< win8) (< wpa81)) (>= dnxcore50)
      System.Runtime.Extensions (>= 4.3) - restriction: || (&& (< net45) (>= netstandard13) (< win8) (< wpa81)) (>= dnxcore50)
      System.Threading (>= 4.3) - restriction: || (&& (< net45) (>= netstandard13) (< win8) (< wpa81)) (>= dnxcore50)
    System.Globalization (4.3) - restriction: || (&& (< net20) (>= netstandard10)) (&& (< net20) (>= netstandard15)) (&& (< net45) (>= netstandard10)) (>= net451) (>= dnxcore50) (>= netstandard13) (&& (>= netstandard16) (< netcore11))
      Microsoft.NETCore.Platforms (>= 1.1) - restriction: || (&& (< net45) (>= netstandard10) (< netstandard13) (< win8) (< wp8) (< wpa81)) (&& (< net45) (>= netstandard13) (< win8) (< wpa81)) (>= dnxcore50)
      Microsoft.NETCore.Targets (>= 1.1) - restriction: || (&& (< net45) (>= netstandard10) (< netstandard13) (< win8) (< wp8) (< wpa81)) (&& (< net45) (>= netstandard13) (< win8) (< wpa81)) (>= dnxcore50)
      System.Runtime (>= 4.3) - restriction: || (&& (< net45) (>= netstandard10) (< netstandard13) (< win8) (< wp8) (< wpa81)) (&& (< net45) (>= netstandard13) (< win8) (< wpa81)) (>= dnxcore50)
    System.Globalization.Calendars (4.3) - restriction: || (>= dnxcore50) (>= netstandard13)
      Microsoft.NETCore.Platforms (>= 1.1) - restriction: && (< net46) (>= netstandard13)
      Microsoft.NETCore.Targets (>= 1.1) - restriction: && (< net46) (>= netstandard13)
      System.Globalization (>= 4.3) - restriction: && (< net46) (>= netstandard13)
      System.Runtime (>= 4.3) - restriction: && (< net46) (>= netstandard13)
    System.Globalization.Extensions (4.3) - restriction: || (&& (< net20) (>= netstandard15)) (&& (< net451) (>= netstandard13)) (>= netstandard16)
      Microsoft.NETCore.Platforms (>= 1.1) - restriction: && (< net46) (>= netstandard13)
      System.Globalization (>= 4.3) - restriction: && (< net46) (>= netstandard13)
      System.Resources.ResourceManager (>= 4.3) - restriction: && (< net46) (>= netstandard13)
      System.Runtime (>= 4.3) - restriction: && (< net46) (>= netstandard13)
      System.Runtime.Extensions (>= 4.3) - restriction: && (< net46) (>= netstandard13)
      System.Runtime.InteropServices (>= 4.3) - restriction: && (< net46) (>= netstandard13)
    System.IO (4.3) - restriction: || (&& (< net20) (>= netstandard10)) (&& (< net45) (>= netstandard10) (< win8) (< wp8) (< wpa81)) (&& (< net45) (>= netstandard11) (< win8) (< wpa81)) (&& (< net45) (>= netstandard15)) (>= net451) (&& (< net46) (>= netstandard14)) (>= dnxcore50) (>= netstandard13)
      Microsoft.NETCore.Platforms (>= 1.1) - restriction: || (&& (< net45) (>= netstandard10) (< netstandard13) (< win8) (< wp8) (< wpa81)) (&& (< net45) (>= netstandard13) (< netstandard15) (< win8) (< wpa81)) (&& (< net45) (>= netstandard15)) (>= dnxcore50)
      Microsoft.NETCore.Targets (>= 1.1) - restriction: || (&& (< net45) (>= netstandard10) (< netstandard13) (< win8) (< wp8) (< wpa81)) (&& (< net45) (>= netstandard13) (< netstandard15) (< win8) (< wpa81)) (&& (< net45) (>= netstandard15)) (>= dnxcore50)
      System.Runtime (>= 4.3) - restriction: || (&& (< net45) (>= netstandard10) (< netstandard13) (< win8) (< wp8) (< wpa81)) (&& (< net45) (>= netstandard13) (< netstandard15) (< win8) (< wpa81)) (&& (< net45) (>= netstandard15)) (>= dnxcore50)
      System.Text.Encoding (>= 4.3) - restriction: || (&& (< net45) (>= netstandard10) (< netstandard13) (< win8) (< wp8) (< wpa81)) (&& (< net45) (>= netstandard13) (< netstandard15) (< win8) (< wpa81)) (&& (< net45) (>= netstandard15)) (>= dnxcore50)
      System.Threading.Tasks (>= 4.3) - restriction: || (&& (< net45) (>= netstandard10) (< netstandard13) (< win8) (< wp8) (< wpa81)) (&& (< net45) (>= netstandard13) (< netstandard15) (< win8) (< wpa81)) (&& (< net45) (>= netstandard15)) (>= dnxcore50)
    System.IO.Compression (4.3) - restriction: || (&& (< net20) (>= netstandard11)) (>= net451) (>= netstandard13)
      Microsoft.NETCore.Platforms (>= 1.1) - restriction: && (< net45) (>= netstandard13) (< win8) (< wpa81)
      runtime.native.System (>= 4.3) - restriction: && (< net45) (>= netstandard13) (< win8) (< wpa81)
      runtime.native.System.IO.Compression (>= 4.3) - restriction: || (&& (< net45) (>= netstandard13) (< win8) (< wpa81)) (>= dnxcore50)
      System.Buffers (>= 4.3) - restriction: || (&& (< net45) (>= netstandard13) (< win8) (< wpa81)) (>= dnxcore50)
      System.Collections (>= 4.3) - restriction: || (&& (< net45) (>= netstandard13) (< win8) (< wpa81)) (>= dnxcore50)
      System.Diagnostics.Debug (>= 4.3) - restriction: || (&& (< net45) (>= netstandard13) (< win8) (< wpa81)) (>= dnxcore50)
      System.IO (>= 4.3) - restriction: || (&& (< net45) (>= netstandard11) (< netstandard13) (< win8) (< wpa81)) (&& (< net45) (>= netstandard13) (< win8) (< wpa81)) (>= dnxcore50)
      System.Resources.ResourceManager (>= 4.3) - restriction: || (&& (< net45) (>= netstandard13) (< win8) (< wpa81)) (>= dnxcore50)
      System.Runtime (>= 4.3) - restriction: || (&& (< net45) (>= netstandard11) (< netstandard13) (< win8) (< wpa81)) (&& (< net45) (>= netstandard13) (< win8) (< wpa81)) (>= dnxcore50)
      System.Runtime.Extensions (>= 4.3) - restriction: || (&& (< net45) (>= netstandard13) (< win8) (< wpa81)) (>= dnxcore50)
      System.Runtime.Handles (>= 4.3) - restriction: || (&& (< net45) (>= netstandard13) (< win8) (< wpa81)) (>= dnxcore50)
      System.Runtime.InteropServices (>= 4.3) - restriction: || (&& (< net45) (>= netstandard13) (< win8) (< wpa81)) (>= dnxcore50)
      System.Text.Encoding (>= 4.3) - restriction: || (&& (< net45) (>= netstandard11) (< netstandard13) (< win8) (< wpa81)) (&& (< net45) (>= netstandard13) (< win8) (< wpa81)) (>= dnxcore50)
      System.Threading (>= 4.3) - restriction: || (&& (< net45) (>= netstandard13) (< win8) (< wpa81)) (>= dnxcore50)
      System.Threading.Tasks (>= 4.3) - restriction: || (&& (< net45) (>= netstandard13) (< win8) (< wpa81)) (>= dnxcore50)
    System.IO.Compression.ZipFile (4.3) - restriction: >= netstandard13
      System.Buffers (>= 4.3) - restriction: && (< net46) (>= netstandard13)
      System.IO (>= 4.3) - restriction: && (< net46) (>= netstandard13)
      System.IO.Compression (>= 4.3) - restriction: && (< net46) (>= netstandard13)
      System.IO.FileSystem (>= 4.3) - restriction: && (< net46) (>= netstandard13)
      System.IO.FileSystem.Primitives (>= 4.3) - restriction: && (< net46) (>= netstandard13)
      System.Resources.ResourceManager (>= 4.3) - restriction: && (< net46) (>= netstandard13)
      System.Runtime (>= 4.3) - restriction: && (< net46) (>= netstandard13)
      System.Runtime.Extensions (>= 4.3) - restriction: && (< net46) (>= netstandard13)
      System.Text.Encoding (>= 4.3) - restriction: && (< net46) (>= netstandard13)
    System.IO.FileSystem (4.3) - restriction: || (&& (>= net451) (>= dnxcore50)) (&& (>= dnxcore50) (>= netstandard10)) (>= netstandard13)
      Microsoft.NETCore.Platforms (>= 1.1) - restriction: && (< net46) (>= netstandard13)
      Microsoft.NETCore.Targets (>= 1.1) - restriction: && (< net46) (>= netstandard13)
      System.IO (>= 4.3) - restriction: && (< net46) (>= netstandard13)
      System.IO.FileSystem.Primitives (>= 4.3) - restriction: >= netstandard13
      System.Runtime (>= 4.3) - restriction: && (< net46) (>= netstandard13)
      System.Runtime.Handles (>= 4.3) - restriction: && (< net46) (>= netstandard13)
      System.Text.Encoding (>= 4.3) - restriction: && (< net46) (>= netstandard13)
      System.Threading.Tasks (>= 4.3) - restriction: && (< net46) (>= netstandard13)
    System.IO.FileSystem.Primitives (4.3) - restriction: || (&& (>= net451) (>= dnxcore50)) (&& (>= dnxcore50) (>= netstandard10)) (>= netstandard13)
      System.Runtime (>= 4.3) - restriction: && (< net46) (>= netstandard13)
    System.IO.FileSystem.Watcher (4.3) - restriction: && (< net451) (>= netstandard13)
      Microsoft.NETCore.Platforms (>= 1.1) - restriction: && (< net46) (>= netstandard13)
      Microsoft.Win32.Primitives (>= 4.3) - restriction: && (< net46) (>= netstandard13)
      runtime.native.System (>= 4.3) - restriction: && (< net46) (>= netstandard13)
      System.Collections (>= 4.3) - restriction: && (< net46) (>= netstandard13)
      System.IO.FileSystem (>= 4.3) - restriction: && (< net46) (>= netstandard13)
      System.IO.FileSystem.Primitives (>= 4.3) - restriction: && (< net46) (>= netstandard13)
      System.Resources.ResourceManager (>= 4.3) - restriction: && (< net46) (>= netstandard13)
      System.Runtime (>= 4.3) - restriction: && (< net46) (>= netstandard13)
      System.Runtime.Extensions (>= 4.3) - restriction: && (< net46) (>= netstandard13)
      System.Runtime.Handles (>= 4.3) - restriction: && (< net46) (>= netstandard13)
      System.Runtime.InteropServices (>= 4.3) - restriction: && (< net46) (>= netstandard13)
      System.Text.Encoding (>= 4.3) - restriction: && (< net46) (>= netstandard13)
      System.Threading (>= 4.3) - restriction: && (< net46) (>= netstandard13)
      System.Threading.Overlapped (>= 4.3) - restriction: && (< net46) (>= netstandard13)
      System.Threading.Tasks (>= 4.3) - restriction: && (< net46) (>= netstandard13)
      System.Threading.Thread (>= 4.3) - restriction: && (< net46) (>= netstandard13)
    System.Linq (4.3) - restriction: || (&& (< net20) (>= netstandard10)) (&& (< net20) (>= netstandard15)) (&& (< net45) (>= netstandard10)) (>= net451) (&& (>= dnxcore50) (>= netstandard10)) (>= netstandard13)
      System.Collections (>= 4.3) - restriction: || (&& (< net45) (>= netstandard10) (< win8) (< wp8) (< wpa81)) (>= dnxcore50) (>= netstandard16)
      System.Diagnostics.Debug (>= 4.3) - restriction: || (>= dnxcore50) (>= netstandard16)
      System.Resources.ResourceManager (>= 4.3) - restriction: || (>= dnxcore50) (>= netstandard16)
      System.Runtime (>= 4.3) - restriction: || (&& (< net45) (>= netstandard10) (< win8) (< wp8) (< wpa81)) (>= dnxcore50) (>= netstandard16)
      System.Runtime.Extensions (>= 4.3) - restriction: || (>= dnxcore50) (>= netstandard16)
    System.Linq.Expressions (4.3) - restriction: || (&& (< net20) (>= netstandard10)) (&& (< net45) (>= netstandard10) (< win8) (< wp8) (< wpa81)) (>= net451) (&& (>= dnxcore50) (>= netstandard10)) (>= netstandard13)
      System.Collections (>= 4.3) - restriction: || (>= dnxcore50) (>= netstandard16)
      System.Diagnostics.Debug (>= 4.3) - restriction: || (>= dnxcore50) (>= netstandard16)
      System.Globalization (>= 4.3) - restriction: || (>= dnxcore50) (>= netstandard16)
      System.IO (>= 4.3) - restriction: || (>= dnxcore50) (>= netstandard16)
      System.Linq (>= 4.3) - restriction: || (>= dnxcore50) (>= netstandard16)
      System.ObjectModel (>= 4.3) - restriction: >= netstandard16
      System.Reflection (>= 4.3) - restriction: || (&& (< net45) (>= netstandard10) (< netstandard13) (< win8) (< wp8) (< wpa81)) (&& (< net45) (>= netstandard13) (< win8) (< wpa81)) (>= dnxcore50) (>= netstandard16)
      System.Reflection.Emit (>= 4.3) - restriction: >= netstandard16
      System.Reflection.Emit.ILGeneration (>= 4.3) - restriction: || (>= dnxcore50) (>= netstandard16)
      System.Reflection.Emit.Lightweight (>= 4.3) - restriction: || (>= dnxcore50) (>= netstandard16)
      System.Reflection.Extensions (>= 4.3) - restriction: || (>= dnxcore50) (>= netstandard16)
      System.Reflection.Primitives (>= 4.3) - restriction: || (>= dnxcore50) (>= netstandard16)
      System.Reflection.TypeExtensions (>= 4.3) - restriction: || (>= dnxcore50) (>= netstandard16)
      System.Resources.ResourceManager (>= 4.3) - restriction: || (>= dnxcore50) (>= netstandard16)
      System.Runtime (>= 4.3) - restriction: || (&& (< net45) (>= netstandard10) (< netstandard13) (< win8) (< wp8) (< wpa81)) (&& (< net45) (>= netstandard13) (< win8) (< wpa81)) (>= dnxcore50) (>= netstandard16)
      System.Runtime.Extensions (>= 4.3) - restriction: || (>= dnxcore50) (>= netstandard16)
      System.Threading (>= 4.3) - restriction: || (>= dnxcore50) (>= netstandard16)
    System.Linq.Parallel (4.3) - restriction: >= netstandard16
      System.Collections (>= 4.3) - restriction: || (&& (< net45) (>= netstandard11) (< netstandard13) (< win8) (< wpa81)) (&& (< net45) (>= netstandard13) (< win8) (< wpa81)) (>= dnxcore50)
      System.Collections.Concurrent (>= 4.3) - restriction: || (&& (< net45) (>= netstandard11) (< netstandard13) (< win8) (< wpa81)) (&& (< net45) (>= netstandard13) (< win8) (< wpa81)) (>= dnxcore50)
      System.Diagnostics.Debug (>= 4.3) - restriction: || (&& (< net45) (>= netstandard13) (< win8) (< wpa81)) (>= dnxcore50)
      System.Diagnostics.Tracing (>= 4.3) - restriction: || (&& (< net45) (>= netstandard13) (< win8) (< wpa81)) (>= dnxcore50)
      System.Linq (>= 4.3) - restriction: || (&& (< net45) (>= netstandard11) (< netstandard13) (< win8) (< wpa81)) (&& (< net45) (>= netstandard13) (< win8) (< wpa81)) (>= dnxcore50)
      System.Resources.ResourceManager (>= 4.3) - restriction: || (&& (< net45) (>= netstandard13) (< win8) (< wpa81)) (>= dnxcore50)
      System.Runtime (>= 4.3) - restriction: || (&& (< net45) (>= netstandard11) (< netstandard13) (< win8) (< wpa81)) (&& (< net45) (>= netstandard13) (< win8) (< wpa81)) (>= dnxcore50)
      System.Runtime.Extensions (>= 4.3) - restriction: || (&& (< net45) (>= netstandard13) (< win8) (< wpa81)) (>= dnxcore50)
      System.Threading (>= 4.3) - restriction: || (&& (< net45) (>= netstandard13) (< win8) (< wpa81)) (>= dnxcore50)
      System.Threading.Tasks (>= 4.3) - restriction: || (&& (< net45) (>= netstandard11) (< netstandard13) (< win8) (< wpa81)) (&& (< net45) (>= netstandard13) (< win8) (< wpa81)) (>= dnxcore50)
    System.Linq.Queryable (4.3) - restriction: >= netstandard16
      System.Collections (>= 4.3) - restriction: || (&& (< net45) (>= netstandard13) (< win8) (< wpa81)) (>= dnxcore50)
      System.Diagnostics.Debug (>= 4.3) - restriction: || (&& (< net45) (>= netstandard13) (< win8) (< wpa81)) (>= dnxcore50)
      System.Linq (>= 4.3) - restriction: || (&& (< net45) (>= netstandard10) (< netstandard13) (< win8) (< wp8) (< wpa81)) (&& (< net45) (>= netstandard13) (< win8) (< wpa81)) (>= dnxcore50)
      System.Linq.Expressions (>= 4.3) - restriction: || (&& (< net45) (>= netstandard10) (< netstandard13) (< win8) (< wp8) (< wpa81)) (&& (< net45) (>= netstandard13) (< win8) (< wpa81)) (>= dnxcore50)
      System.Reflection (>= 4.3) - restriction: || (&& (< net45) (>= netstandard13) (< win8) (< wpa81)) (>= dnxcore50)
      System.Reflection.Extensions (>= 4.3) - restriction: || (&& (< net45) (>= netstandard13) (< win8) (< wpa81)) (>= dnxcore50)
      System.Resources.ResourceManager (>= 4.3) - restriction: || (&& (< net45) (>= netstandard13) (< win8) (< wpa81)) (>= dnxcore50)
      System.Runtime (>= 4.3) - restriction: || (&& (< net45) (>= netstandard10) (< netstandard13) (< win8) (< wp8) (< wpa81)) (&& (< net45) (>= netstandard13) (< win8) (< wpa81)) (>= dnxcore50)
    System.Net.Http (4.3.2)
      Microsoft.NETCore.Platforms (>= 1.1) - restriction: || (&& (< net45) (>= netstandard13) (< win8) (< wpa81)) (>= dnxcore50) (>= netstandard16)
      Microsoft.Win32.Primitives (>= 4.3) - restriction: && (< net45) (>= netstandard13) (< netstandard16) (< win8) (< wpa81)
      runtime.native.System (>= 4.3) - restriction: >= netstandard16
      runtime.native.System.Net.Http (>= 4.3) - restriction: >= netstandard16
      runtime.native.System.Security.Cryptography.OpenSsl (>= 4.3) - restriction: >= netstandard16
      System.Collections (>= 4.3) - restriction: || (&& (< net45) (>= netstandard13) (< win8) (< wpa81)) (>= dnxcore50) (>= netstandard16)
      System.Diagnostics.Debug (>= 4.3) - restriction: || (&& (< net45) (>= netstandard13) (< win8) (< wpa81)) (>= dnxcore50) (>= netstandard16)
      System.Diagnostics.DiagnosticSource (>= 4.3) - restriction: || (&& (< net45) (>= netstandard13) (< win8) (< wpa81)) (>= dnxcore50) (>= netstandard16)
      System.Diagnostics.Tracing (>= 4.3) - restriction: || (&& (< net45) (>= netstandard13) (< win8) (< wpa81)) (>= dnxcore50) (>= netstandard16)
      System.Globalization (>= 4.3) - restriction: || (&& (< net45) (>= netstandard13) (< win8) (< wpa81)) (>= dnxcore50) (>= netstandard16)
      System.Globalization.Extensions (>= 4.3) - restriction: >= netstandard16
      System.IO (>= 4.3) - restriction: || (&& (< net45) (>= netstandard11) (< netstandard13) (< win8) (< wpa81)) (&& (< net45) (>= netstandard13) (< win8) (< wpa81)) (>= dnxcore50) (>= netstandard16)
      System.IO.Compression (>= 4.3) - restriction: && (< net45) (>= netstandard13) (< netstandard16) (< win8) (< wpa81)
      System.IO.FileSystem (>= 4.3) - restriction: >= netstandard16
      System.Net.Primitives (>= 4.3) - restriction: || (&& (< net45) (>= netstandard11) (< netstandard13) (< win8) (< wpa81)) (&& (< net45) (>= netstandard13) (< win8) (< wpa81)) (>= dnxcore50) (>= netstandard16)
      System.Resources.ResourceManager (>= 4.3) - restriction: || (&& (< net45) (>= netstandard13) (< win8) (< wpa81)) (>= dnxcore50) (>= netstandard16)
      System.Runtime (>= 4.3) - restriction: || (&& (< net45) (>= netstandard11) (< netstandard13) (< win8) (< wpa81)) (&& (< net45) (>= netstandard13) (< win8) (< wpa81)) (>= dnxcore50) (>= netstandard16)
      System.Runtime.Extensions (>= 4.3) - restriction: || (&& (< net45) (>= netstandard13) (< win8) (< wpa81)) (>= dnxcore50) (>= netstandard16)
      System.Runtime.Handles (>= 4.3) - restriction: || (&& (< net45) (>= netstandard13) (< win8) (< wpa81)) (>= netstandard16)
      System.Runtime.InteropServices (>= 4.3) - restriction: || (&& (< net45) (>= netstandard13) (< win8) (< wpa81)) (>= dnxcore50) (>= netstandard16)
      System.Runtime.WindowsRuntime (>= 4.3) - restriction: >= dnxcore50
      System.Security.Cryptography.Algorithms (>= 4.3) - restriction: >= netstandard16
      System.Security.Cryptography.Encoding (>= 4.3) - restriction: || (&& (< net45) (>= netstandard13) (< win8) (< wpa81)) (>= netstandard16)
      System.Security.Cryptography.OpenSsl (>= 4.3) - restriction: >= netstandard16
      System.Security.Cryptography.Primitives (>= 4.3) - restriction: >= netstandard16
      System.Security.Cryptography.X509Certificates (>= 4.3) - restriction: || (&& (< net45) (>= netstandard13) (< win8) (< wpa81)) (>= net46) (>= dnxcore50) (>= netstandard16)
      System.Text.Encoding (>= 4.3) - restriction: || (&& (< net45) (>= netstandard11) (< netstandard13) (< win8) (< wpa81)) (&& (< net45) (>= netstandard13) (< win8) (< wpa81)) (>= dnxcore50) (>= netstandard16)
      System.Text.Encoding.Extensions (>= 4.3) - restriction: >= dnxcore50
      System.Threading (>= 4.3) - restriction: || (&& (< net45) (>= netstandard13) (< win8) (< wpa81)) (>= dnxcore50) (>= netstandard16)
      System.Threading.Tasks (>= 4.3) - restriction: || (&& (< net45) (>= netstandard11) (< netstandard13) (< win8) (< wpa81)) (&& (< net45) (>= netstandard13) (< win8) (< wpa81)) (>= dnxcore50) (>= netstandard16)
    System.Net.Primitives (4.3) - restriction: || (&& (< net20) (>= netstandard10)) (&& (< net45) (>= netstandard11) (< win8) (< wpa81)) (>= net451) (>= dnxcore50) (>= netstandard13)
      Microsoft.NETCore.Platforms (>= 1.1) - restriction: || (&& (< net45) (>= netstandard11) (< netstandard13) (< win8) (< wpa81)) (&& (< net45) (>= netstandard13) (< win8) (< wpa81)) (>= dnxcore50) (&& (>= netstandard10) (< netstandard11) (< win8) (< wp8))
      Microsoft.NETCore.Targets (>= 1.1) - restriction: || (&& (< net45) (>= netstandard11) (< netstandard13) (< win8) (< wpa81)) (&& (< net45) (>= netstandard13) (< win8) (< wpa81)) (>= dnxcore50) (&& (>= netstandard10) (< netstandard11) (< win8) (< wp8))
      System.Runtime (>= 4.3) - restriction: || (&& (< net45) (>= netstandard11) (< netstandard13) (< win8) (< wpa81)) (&& (< net45) (>= netstandard13) (< win8) (< wpa81)) (>= dnxcore50) (&& (>= netstandard10) (< netstandard11) (< win8) (< wp8))
      System.Runtime.Handles (>= 4.3) - restriction: || (&& (< net45) (>= netstandard13) (< win8) (< wpa81)) (>= dnxcore50)
    System.Net.Requests (4.3) - restriction: >= netstandard16
      Microsoft.NETCore.Platforms (>= 1.1) - restriction: && (< net45) (>= netstandard13) (< win8) (< wpa81)
      System.Collections (>= 4.3) - restriction: || (&& (< net45) (>= netstandard13) (< win8) (< wpa81)) (>= dnxcore50)
      System.Diagnostics.Debug (>= 4.3) - restriction: || (&& (< net45) (>= netstandard13) (< win8) (< wpa81)) (>= dnxcore50)
      System.Diagnostics.Tracing (>= 4.3) - restriction: || (&& (< net45) (>= netstandard13) (< win8) (< wpa81)) (>= dnxcore50)
      System.Globalization (>= 4.3) - restriction: || (&& (< net45) (>= netstandard13) (< win8) (< wpa81)) (>= dnxcore50)
      System.IO (>= 4.3) - restriction: || (&& (< net45) (>= netstandard11) (< netstandard13) (< win8) (< wpa81)) (&& (< net45) (>= netstandard13) (< win8) (< wpa81)) (>= dnxcore50) (&& (>= netstandard10) (< netstandard11) (< win8) (< wp8))
      System.Net.Http (>= 4.3) - restriction: || (&& (< net45) (>= netstandard13) (< win8) (< wpa81)) (>= dnxcore50)
      System.Net.Primitives (>= 4.3) - restriction: || (&& (< net45) (>= netstandard11) (< netstandard13) (< win8) (< wpa81)) (&& (< net45) (>= netstandard13) (< win8) (< wpa81)) (>= dnxcore50) (&& (>= netstandard10) (< netstandard11) (< win8) (< wp8))
      System.Net.WebHeaderCollection (>= 4.3) - restriction: || (&& (< net45) (>= netstandard13) (< win8) (< wpa81)) (>= dnxcore50)
      System.Resources.ResourceManager (>= 4.3) - restriction: || (&& (< net45) (>= netstandard13) (< win8) (< wpa81)) (>= dnxcore50)
      System.Runtime (>= 4.3) - restriction: || (&& (< net45) (>= netstandard11) (< netstandard13) (< win8) (< wpa81)) (&& (< net45) (>= netstandard13) (< win8) (< wpa81)) (>= dnxcore50) (&& (>= netstandard10) (< netstandard11) (< win8) (< wp8))
      System.Threading (>= 4.3) - restriction: || (&& (< net45) (>= netstandard13) (< win8) (< wpa81)) (>= dnxcore50)
      System.Threading.Tasks (>= 4.3) - restriction: || (&& (< net45) (>= netstandard11) (< netstandard13) (< win8) (< wpa81)) (&& (< net45) (>= netstandard13) (< win8) (< wpa81)) (>= dnxcore50)
    System.Net.Sockets (4.3) - restriction: >= netstandard13
      Microsoft.NETCore.Platforms (>= 1.1) - restriction: && (< net46) (>= netstandard13)
      Microsoft.NETCore.Targets (>= 1.1) - restriction: && (< net46) (>= netstandard13)
      System.IO (>= 4.3) - restriction: && (< net46) (>= netstandard13)
      System.Net.Primitives (>= 4.3) - restriction: && (< net46) (>= netstandard13)
      System.Runtime (>= 4.3) - restriction: && (< net46) (>= netstandard13)
      System.Threading.Tasks (>= 4.3) - restriction: && (< net46) (>= netstandard13)
    System.Net.WebHeaderCollection (4.3) - restriction: >= netstandard16
      System.Collections (>= 4.3) - restriction: && (< net46) (>= netstandard13)
      System.Resources.ResourceManager (>= 4.3) - restriction: && (< net46) (>= netstandard13)
      System.Runtime (>= 4.3) - restriction: && (< net46) (>= netstandard13)
      System.Runtime.Extensions (>= 4.3) - restriction: && (< net46) (>= netstandard13)
    System.Net.WebSockets (4.3) - restriction: && (< net451) (>= netstandard13)
      Microsoft.Win32.Primitives (>= 4.3) - restriction: && (< net46) (>= netstandard13)
      System.Resources.ResourceManager (>= 4.3) - restriction: && (< net46) (>= netstandard13)
      System.Runtime (>= 4.3) - restriction: && (< net46) (>= netstandard13)
      System.Threading.Tasks (>= 4.3) - restriction: && (< net46) (>= netstandard13)
    System.Numerics.Vectors (4.3) - restriction: || (>= net451) (>= netstandard13)
      System.Globalization (>= 4.3) - restriction: && (< net45) (>= netstandard10) (< win8) (< wp8) (< wpa81)
      System.Resources.ResourceManager (>= 4.3) - restriction: && (< net45) (>= netstandard10) (< win8) (< wp8) (< wpa81)
      System.Runtime (>= 4.3) - restriction: && (< net45) (>= netstandard10) (< win8) (< wp8) (< wpa81)
      System.Runtime.Extensions (>= 4.3) - restriction: && (< net45) (>= netstandard10) (< win8) (< wp8) (< wpa81)
    System.ObjectModel (4.3) - restriction: || (&& (< net20) (>= netstandard10)) (&& (< net45) (>= netstandard10) (< win8) (< wp8) (< wpa81)) (>= net451) (&& (>= dnxcore50) (>= netstandard10)) (>= netstandard13)
      System.Collections (>= 4.3) - restriction: || (&& (< net45) (>= netstandard13) (< win8) (< wpa81)) (>= dnxcore50)
      System.Diagnostics.Debug (>= 4.3) - restriction: || (&& (< net45) (>= netstandard13) (< win8) (< wpa81)) (>= dnxcore50)
      System.Resources.ResourceManager (>= 4.3) - restriction: || (&& (< net45) (>= netstandard13) (< win8) (< wpa81)) (>= dnxcore50)
      System.Runtime (>= 4.3) - restriction: || (&& (< net45) (>= netstandard10) (< netstandard13) (< win8) (< wp8) (< wpa81)) (&& (< net45) (>= netstandard13) (< win8) (< wpa81)) (>= dnxcore50)
      System.Threading (>= 4.3) - restriction: || (&& (< net45) (>= netstandard13) (< win8) (< wpa81)) (>= dnxcore50)
    System.Reflection (4.3) - restriction: || (&& (< net20) (>= net462)) (&& (< net20) (>= netstandard10)) (&& (< net20) (>= netstandard11) (< netstandard12) (< win8)) (&& (< net20) (>= netstandard11) (< win8) (< wpa81)) (&& (< net20) (>= netstandard12) (< win8) (< wpa81)) (&& (< net20) (>= netstandard14)) (&& (< net20) (>= netstandard15)) (&& (< net45) (>= net462)) (&& (< net45) (>= netstandard10)) (&& (< net45) (>= netstandard15)) (>= net451) (>= dnxcore50) (>= netstandard13) (&& (>= netstandard16) (< netcore20))
      Microsoft.NETCore.Platforms (>= 1.1) - restriction: || (&& (< net45) (>= netstandard10) (< netstandard13) (< win8) (< wp8) (< wpa81)) (&& (< net45) (>= netstandard13) (< netstandard15) (< win8) (< wpa81)) (&& (< net45) (>= netstandard15)) (>= dnxcore50)
      Microsoft.NETCore.Targets (>= 1.1) - restriction: || (&& (< net45) (>= netstandard10) (< netstandard13) (< win8) (< wp8) (< wpa81)) (&& (< net45) (>= netstandard13) (< netstandard15) (< win8) (< wpa81)) (&& (< net45) (>= netstandard15)) (>= dnxcore50)
      System.IO (>= 4.3) - restriction: || (&& (< net45) (>= netstandard10) (< netstandard13) (< win8) (< wp8) (< wpa81)) (&& (< net45) (>= netstandard13) (< netstandard15) (< win8) (< wpa81)) (&& (< net45) (>= netstandard15)) (>= dnxcore50)
      System.Reflection.Primitives (>= 4.3) - restriction: || (&& (< net45) (>= netstandard10) (< netstandard13) (< win8) (< wp8) (< wpa81)) (&& (< net45) (>= netstandard13) (< netstandard15) (< win8) (< wpa81)) (&& (< net45) (>= netstandard15)) (>= dnxcore50)
      System.Runtime (>= 4.3) - restriction: || (&& (< net45) (>= netstandard10) (< netstandard13) (< win8) (< wp8) (< wpa81)) (&& (< net45) (>= netstandard13) (< netstandard15) (< win8) (< wpa81)) (&& (< net45) (>= netstandard15)) (>= dnxcore50)
    System.Reflection.Emit (4.3) - restriction: || (&& (< net45) (>= netstandard13) (< win8) (< wpa81)) (>= netstandard16)
      System.IO (>= 4.3) - restriction: && (< net45) (>= netstandard11)
      System.Reflection (>= 4.3) - restriction: && (< net45) (>= netstandard11)
      System.Reflection.Emit.ILGeneration (>= 4.3) - restriction: && (< net45) (>= netstandard11)
      System.Reflection.Primitives (>= 4.3) - restriction: && (< net45) (>= netstandard11)
      System.Runtime (>= 4.3) - restriction: && (< net45) (>= netstandard11)
    System.Reflection.Emit.ILGeneration (4.3) - restriction: || (&& (< net45) (>= netstandard13) (< win8) (< wpa81)) (>= netstandard16)
      System.Reflection (>= 4.3) - restriction: && (< net45) (>= netstandard10) (< wp8)
      System.Reflection.Primitives (>= 4.3) - restriction: && (< net45) (>= netstandard10) (< wp8)
      System.Runtime (>= 4.3) - restriction: && (< net45) (>= netstandard10) (< wp8)
    System.Reflection.Emit.Lightweight (4.3) - restriction: >= netstandard16
      System.Reflection (>= 4.3) - restriction: && (< net45) (>= netstandard10) (< wp8)
      System.Reflection.Emit.ILGeneration (>= 4.3) - restriction: && (< net45) (>= netstandard10) (< wp8)
      System.Reflection.Primitives (>= 4.3) - restriction: && (< net45) (>= netstandard10) (< wp8)
      System.Runtime (>= 4.3) - restriction: && (< net45) (>= netstandard10) (< wp8)
    System.Reflection.Extensions (4.3) - restriction: || (&& (< net20) (>= netstandard10)) (&& (< net20) (>= netstandard11) (< win8) (< wpa81)) (&& (< net20) (>= netstandard15)) (&& (< net45) (>= netstandard10)) (>= net451) (&& (>= dnxcore50) (>= netstandard10)) (&& (>= dnxcore50) (>= netstandard11)) (>= netstandard13)
      Microsoft.NETCore.Platforms (>= 1.1) - restriction: || (&& (< net45) (>= netstandard10) (< win8) (< wp8) (< wpa81)) (>= dnxcore50)
      Microsoft.NETCore.Targets (>= 1.1) - restriction: || (&& (< net45) (>= netstandard10) (< win8) (< wp8) (< wpa81)) (>= dnxcore50)
      System.Reflection (>= 4.3) - restriction: || (&& (< net45) (>= netstandard10) (< win8) (< wp8) (< wpa81)) (>= dnxcore50)
      System.Runtime (>= 4.3) - restriction: || (&& (< net45) (>= netstandard10) (< win8) (< wp8) (< wpa81)) (>= dnxcore50)
    System.Reflection.Metadata (1.4.2) - restriction: || (>= net451) (>= netstandard13)
      System.Collections (>= 4.3) - restriction: && (< net45) (>= netstandard11) (< win8) (< wpa81)
      System.Collections.Immutable (>= 1.3.1) - restriction: || (>= net45) (&& (>= netstandard11) (< win8)) (&& (< netstandard11) (>= win8)) (>= monoandroid) (>= monotouch) (>= xamarinios) (>= xamarinmac) (>= wpa81)
      System.Diagnostics.Debug (>= 4.3) - restriction: && (< net45) (>= netstandard11) (< win8) (< wpa81)
      System.IO (>= 4.3) - restriction: && (< net45) (>= netstandard11) (< win8) (< wpa81)
      System.IO.Compression (>= 4.3) - restriction: && (< net45) (>= netstandard11) (< win8) (< wpa81)
      System.Linq (>= 4.3) - restriction: && (< net45) (>= netstandard11) (< win8) (< wpa81)
      System.Reflection (>= 4.3) - restriction: && (< net45) (>= netstandard11) (< win8) (< wpa81)
      System.Reflection.Extensions (>= 4.3) - restriction: && (< net45) (>= netstandard11) (< win8) (< wpa81)
      System.Reflection.Primitives (>= 4.3) - restriction: && (< net45) (>= netstandard11) (< win8) (< wpa81)
      System.Resources.ResourceManager (>= 4.3) - restriction: && (< net45) (>= netstandard11) (< win8) (< wpa81)
      System.Runtime (>= 4.3) - restriction: && (< net45) (>= netstandard11) (< win8) (< wpa81)
      System.Runtime.Extensions (>= 4.3) - restriction: && (< net45) (>= netstandard11) (< win8) (< wpa81)
      System.Runtime.InteropServices (>= 4.3) - restriction: && (< net45) (>= netstandard11) (< win8) (< wpa81)
      System.Text.Encoding (>= 4.3) - restriction: && (< net45) (>= netstandard11) (< win8) (< wpa81)
      System.Text.Encoding.Extensions (>= 4.3) - restriction: && (< net45) (>= netstandard11) (< win8) (< wpa81)
      System.Threading (>= 4.3) - restriction: && (< net45) (>= netstandard11) (< win8) (< wpa81)
    System.Reflection.Primitives (4.3) - restriction: || (&& (< net20) (>= netstandard10)) (&& (< net20) (>= netstandard11) (< netstandard12) (< win8)) (&& (< net20) (>= netstandard12) (< win8) (< wpa81)) (&& (< net20) (>= netstandard15)) (&& (< net45) (>= netstandard10) (< win8) (< wp8) (< wpa81)) (&& (< net45) (>= netstandard15)) (>= net451) (>= dnxcore50) (>= netstandard13)
      Microsoft.NETCore.Platforms (>= 1.1) - restriction: || (&& (< net45) (>= netstandard10) (< win8) (< wp8) (< wpa81)) (>= dnxcore50)
      Microsoft.NETCore.Targets (>= 1.1) - restriction: || (&& (< net45) (>= netstandard10) (< win8) (< wp8) (< wpa81)) (>= dnxcore50)
      System.Runtime (>= 4.3) - restriction: || (&& (< net45) (>= netstandard10) (< win8) (< wp8) (< wpa81)) (>= dnxcore50)
    System.Reflection.TypeExtensions (4.3) - restriction: || (&& (< net20) (>= netstandard13) (< win8) (< wpa81)) (&& (< net20) (>= netstandard15)) (&& (< net45) (>= netstandard13) (< win8) (< wpa81)) (&& (< net451) (>= netstandard13)) (&& (>= dnxcore50) (>= netstandard10)) (&& (>= dnxcore50) (>= netstandard13)) (>= netstandard16)
      System.Reflection (>= 4.3) - restriction: || (&& (< net46) (>= netstandard13) (< netstandard15)) (&& (< net46) (>= netstandard15)) (>= net462) (>= dnxcore50)
      System.Runtime (>= 4.3) - restriction: || (&& (< net46) (>= netstandard13) (< netstandard15)) (&& (< net46) (>= netstandard15)) (>= dnxcore50)
    System.Resources.ResourceManager (4.3) - restriction: || (&& (< net20) (>= net45)) (&& (< net20) (>= net462)) (&& (< net20) (>= netstandard10)) (&& (< net20) (>= netstandard11) (< win8) (< wpa81)) (&& (< net20) (>= netstandard14)) (&& (< net20) (>= netstandard15)) (>= net451) (>= dnxcore50) (>= netstandard13) (&& (>= netstandard16) (< netcore11))
      Microsoft.NETCore.Platforms (>= 1.1) - restriction: || (&& (< net45) (>= netstandard10) (< win8) (< wp8) (< wpa81)) (>= dnxcore50)
      Microsoft.NETCore.Targets (>= 1.1) - restriction: || (&& (< net45) (>= netstandard10) (< win8) (< wp8) (< wpa81)) (>= dnxcore50)
      System.Globalization (>= 4.3) - restriction: || (&& (< net45) (>= netstandard10) (< win8) (< wp8) (< wpa81)) (>= dnxcore50)
      System.Reflection (>= 4.3) - restriction: || (&& (< net45) (>= netstandard10) (< win8) (< wp8) (< wpa81)) (>= dnxcore50)
      System.Runtime (>= 4.3) - restriction: || (&& (< net45) (>= netstandard10) (< win8) (< wp8) (< wpa81)) (>= dnxcore50)
    System.Runtime (4.3) - restriction: || (&& (< net20) (>= netstandard10)) (&& (< net20) (>= netstandard11) (< netstandard12) (< win8)) (&& (< net20) (>= netstandard12) (< win8) (< wpa81)) (&& (< net20) (>= netstandard14)) (&& (< net20) (>= netstandard15)) (&& (< net45) (>= net462)) (&& (< net45) (>= netstandard10)) (&& (< net45) (>= netstandard11) (< win8) (< wpa81)) (&& (< net45) (>= netstandard12) (< win81) (< wpa81)) (&& (< net45) (>= netstandard14) (< win8) (< wpa81)) (&& (< net45) (>= netstandard15)) (>= net451) (&& (< net46) (>= netstandard14)) (>= dnxcore50) (>= netstandard13) (&& (>= netstandard16) (< netcore20))
      Microsoft.NETCore.Platforms (>= 1.1) - restriction: || (&& (< net45) (>= netstandard10) (< netstandard12) (< win8) (< wp8)) (&& (< net45) (>= netstandard12) (< netstandard13) (< win8) (< wpa81)) (&& (< net45) (>= netstandard13) (< netstandard15) (< win8) (< wpa81)) (&& (< net45) (>= netstandard15)) (>= dnxcore50)
      Microsoft.NETCore.Targets (>= 1.1) - restriction: || (&& (< net45) (>= netstandard10) (< netstandard12) (< win8) (< wp8)) (&& (< net45) (>= netstandard12) (< netstandard13) (< win8) (< wpa81)) (&& (< net45) (>= netstandard13) (< netstandard15) (< win8) (< wpa81)) (&& (< net45) (>= netstandard15)) (>= dnxcore50)
    System.Runtime.CompilerServices.Unsafe (4.3) - restriction: || (>= net451) (>= netstandard13)
      System.Runtime (>= 4.3) - restriction: && (< net45) (>= netstandard10) (< win8) (< wp8) (< wpa81)
    System.Runtime.Extensions (4.3) - restriction: || (&& (< net20) (>= netstandard10)) (&& (< net20) (>= netstandard15)) (&& (< net45) (>= netstandard10)) (>= net451) (>= dnxcore50) (>= netstandard13) (&& (>= netstandard16) (< netcore11)) (&& (>= netstandard16) (< netcore20))
      Microsoft.NETCore.Platforms (>= 1.1) - restriction: || (&& (< net45) (>= netstandard10) (< netstandard13) (< win8) (< wp8) (< wpa81)) (&& (< net45) (>= netstandard13) (< netstandard15) (< win8) (< wpa81)) (&& (< net45) (>= netstandard15)) (>= dnxcore50)
      Microsoft.NETCore.Targets (>= 1.1) - restriction: || (&& (< net45) (>= netstandard10) (< netstandard13) (< win8) (< wp8) (< wpa81)) (&& (< net45) (>= netstandard13) (< netstandard15) (< win8) (< wpa81)) (&& (< net45) (>= netstandard15)) (>= dnxcore50)
      System.Runtime (>= 4.3) - restriction: || (&& (< net45) (>= netstandard10) (< netstandard13) (< win8) (< wp8) (< wpa81)) (&& (< net45) (>= netstandard13) (< netstandard15) (< win8) (< wpa81)) (&& (< net45) (>= netstandard15)) (>= dnxcore50)
    System.Runtime.Handles (4.3) - restriction: || (&& (< net46) (>= netstandard14)) (>= dnxcore50) (>= netstandard13)
      Microsoft.NETCore.Platforms (>= 1.1) - restriction: && (< net46) (>= netstandard13)
      Microsoft.NETCore.Targets (>= 1.1) - restriction: && (< net46) (>= netstandard13)
      System.Runtime (>= 4.3) - restriction: && (< net46) (>= netstandard13)
    System.Runtime.InteropServices (4.3) - restriction: || (&& (< net20) (>= netstandard11)) (&& (< net20) (>= netstandard15)) (>= net451) (>= dnxcore50) (>= netstandard13)
      Microsoft.NETCore.Platforms (>= 1.1) - restriction: || (&& (< net45) (>= netstandard11) (< netstandard12) (< win8)) (&& (< net45) (>= netstandard12) (< netstandard13) (< win8) (< wpa81)) (&& (< net45) (>= netstandard13) (< netstandard15) (< win8) (< wpa81)) (&& (< net45) (>= netstandard15)) (>= dnxcore50) (>= netcore11)
      Microsoft.NETCore.Targets (>= 1.1) - restriction: || (&& (< net45) (>= netstandard11) (< netstandard12) (< win8)) (&& (< net45) (>= netstandard12) (< netstandard13) (< win8) (< wpa81)) (&& (< net45) (>= netstandard13) (< netstandard15) (< win8) (< wpa81)) (&& (< net45) (>= netstandard15)) (>= dnxcore50) (>= netcore11)
      System.Reflection (>= 4.3) - restriction: || (&& (< net45) (>= netstandard11) (< netstandard12) (< win8)) (&& (< net45) (>= netstandard12) (< netstandard13) (< win8) (< wpa81)) (&& (< net45) (>= netstandard13) (< netstandard15) (< win8) (< wpa81)) (&& (< net45) (>= netstandard15)) (>= dnxcore50) (>= netcore11)
      System.Reflection.Primitives (>= 4.3) - restriction: || (&& (< net45) (>= netstandard11) (< netstandard12) (< win8)) (&& (< net45) (>= netstandard12) (< netstandard13) (< win8) (< wpa81)) (&& (< net45) (>= netstandard13) (< netstandard15) (< win8) (< wpa81)) (&& (< net45) (>= netstandard15)) (>= dnxcore50) (>= netcore11)
      System.Runtime (>= 4.3) - restriction: || (&& (< net45) (>= netstandard11) (< netstandard12) (< win8)) (&& (< net45) (>= netstandard12) (< netstandard13) (< win8) (< wpa81)) (&& (< net45) (>= netstandard13) (< netstandard15) (< win8) (< wpa81)) (&& (< net45) (>= netstandard15)) (>= net462) (>= dnxcore50) (>= netcore11)
      System.Runtime.Handles (>= 4.3) - restriction: || (&& (< net45) (>= netstandard13) (< netstandard15) (< win8) (< wpa81)) (&& (< net45) (>= netstandard15)) (>= dnxcore50) (>= netcore11)
    System.Runtime.InteropServices.RuntimeInformation (4.3) - restriction: || (&& (< net20) (>= netstandard11)) (>= net451) (>= netstandard13)
      runtime.native.System (>= 4.3) - restriction: && (< net45) (>= netstandard11) (< win8) (< wpa81)
      System.Reflection (>= 4.3) - restriction: || (&& (< net45) (>= netstandard11) (< win8) (< wpa81)) (>= dnxcore50)
      System.Reflection.Extensions (>= 4.3) - restriction: || (&& (< net45) (>= netstandard11) (< win8) (< wpa81)) (>= dnxcore50)
      System.Resources.ResourceManager (>= 4.3) - restriction: || (&& (< net45) (>= netstandard11) (< win8) (< wpa81)) (>= dnxcore50)
      System.Runtime (>= 4.3) - restriction: || (&& (< net45) (>= netstandard11) (< win8) (< wpa81)) (>= dnxcore50)
      System.Runtime.InteropServices (>= 4.3) - restriction: && (< net45) (>= netstandard11) (< win8) (< wpa81)
      System.Threading (>= 4.3) - restriction: || (&& (< net45) (>= netstandard11) (< win8) (< wpa81)) (>= dnxcore50)
    System.Runtime.Loader (4.3) - restriction: && (< net451) (>= netstandard15)
      System.IO (>= 4.3) - restriction: && (< net462) (>= netstandard15)
      System.Reflection (>= 4.3) - restriction: && (< net462) (>= netstandard15)
      System.Runtime (>= 4.3) - restriction: && (< net462) (>= netstandard15)
    System.Runtime.Numerics (4.3) - restriction: || (&& (< net20) (>= netstandard11)) (>= net451) (>= dnxcore50) (>= netstandard13)
      System.Globalization (>= 4.3) - restriction: || (&& (< net45) (>= netstandard13) (< win8) (< wpa81)) (>= dnxcore50)
      System.Resources.ResourceManager (>= 4.3) - restriction: || (&& (< net45) (>= netstandard13) (< win8) (< wpa81)) (>= dnxcore50)
      System.Runtime (>= 4.3) - restriction: || (&& (< net45) (>= netstandard11) (< netstandard13) (< win8) (< wpa81)) (&& (< net45) (>= netstandard13) (< win8) (< wpa81)) (>= dnxcore50)
      System.Runtime.Extensions (>= 4.3) - restriction: || (&& (< net45) (>= netstandard13) (< win8) (< wpa81)) (>= dnxcore50)
    System.Runtime.Serialization.Formatters (4.3) - restriction: && (< net20) (>= netstandard13)
      System.Collections (>= 4.3) - restriction: && (< net46) (>= netstandard14)
      System.Reflection (>= 4.3) - restriction: && (< net46) (>= netstandard14)
      System.Resources.ResourceManager (>= 4.3) - restriction: && (< net46) (>= netstandard14)
      System.Runtime (>= 4.3) - restriction: || (&& (< net46) (>= netstandard13) (< netstandard14)) (&& (< net46) (>= netstandard14))
      System.Runtime.Serialization.Primitives (>= 4.3) - restriction: >= netstandard13
    System.Runtime.Serialization.Primitives (4.3) - restriction: || (&& (< net20) (>= netstandard10) (< netstandard13)) (&& (< net20) (>= netstandard13)) (&& (< net451) (>= netstandard13))
      System.Resources.ResourceManager (>= 4.3) - restriction: || (&& (< net45) (>= netstandard13) (< win8) (< wpa81)) (>= dnxcore50)
      System.Runtime (>= 4.3) - restriction: || (&& (< net45) (>= netstandard10) (< netstandard13) (< win8) (< wp8) (< wpa81)) (&& (< net45) (>= netstandard13) (< win8) (< wpa81)) (>= dnxcore50)
    System.Runtime.WindowsRuntime (4.3) - restriction: >= dnxcore50
    System.Security.Claims (4.3) - restriction: && (< net451) (>= netstandard13)
      System.Collections (>= 4.3) - restriction: && (< net46) (>= netstandard13)
      System.Globalization (>= 4.3) - restriction: && (< net46) (>= netstandard13)
      System.IO (>= 4.3) - restriction: && (< net46) (>= netstandard13)
      System.Resources.ResourceManager (>= 4.3) - restriction: && (< net46) (>= netstandard13)
      System.Runtime (>= 4.3) - restriction: && (< net46) (>= netstandard13)
      System.Runtime.Extensions (>= 4.3) - restriction: && (< net46) (>= netstandard13)
      System.Security.Principal (>= 4.3) - restriction: && (< net46) (>= netstandard13)
    System.Security.Cryptography.Algorithms (4.3) - restriction: || (&& (< net45) (>= netstandard14) (< win8) (< wpa81)) (&& (>= net46) (< netstandard14)) (>= dnxcore50) (>= netstandard13)
      Microsoft.NETCore.Platforms (>= 1.1) - restriction: || (>= dnxcore50) (>= netstandard16)
      runtime.native.System.Security.Cryptography.Apple (>= 4.3) - restriction: >= netstandard16
      runtime.native.System.Security.Cryptography.OpenSsl (>= 4.3) - restriction: >= netstandard16
      System.Collections (>= 4.3) - restriction: >= netstandard16
      System.IO (>= 4.3) - restriction: || (&& (< net46) (>= netstandard13) (< netstandard14)) (&& (< net46) (>= netstandard14)) (>= net463) (>= dnxcore50) (>= netstandard16)
      System.Resources.ResourceManager (>= 4.3) - restriction: || (>= dnxcore50) (>= netstandard16)
      System.Runtime (>= 4.3) - restriction: || (&& (< net46) (>= netstandard13) (< netstandard14)) (&& (< net46) (>= netstandard14)) (>= net463) (>= dnxcore50) (>= netstandard16)
      System.Runtime.Extensions (>= 4.3) - restriction: || (>= dnxcore50) (>= netstandard16)
      System.Runtime.Handles (>= 4.3) - restriction: || (>= dnxcore50) (>= netstandard16)
      System.Runtime.InteropServices (>= 4.3) - restriction: || (>= dnxcore50) (>= netstandard16)
      System.Runtime.Numerics (>= 4.3) - restriction: >= netstandard16
      System.Security.Cryptography.Encoding (>= 4.3) - restriction: || (>= net463) (>= dnxcore50) (>= netstandard16)
      System.Security.Cryptography.Primitives (>= 4.3) - restriction: || (&& (>= net46) (< netstandard14)) (&& (< net46) (>= netstandard13) (< netstandard14)) (&& (< net46) (>= netstandard14)) (>= net461) (>= dnxcore50) (>= netstandard16)
      System.Text.Encoding (>= 4.3) - restriction: || (>= dnxcore50) (>= netstandard16)
    System.Security.Cryptography.Cng (4.3) - restriction: || (>= dnxcore50) (>= netstandard16)
      Microsoft.NETCore.Platforms (>= 1.1) - restriction: || (&& (< net46) (>= netstandard14)) (>= netstandard16)
      System.IO (>= 4.3) - restriction: || (&& (< net46) (>= netstandard13) (< netstandard14)) (&& (< net46) (>= netstandard14)) (>= netstandard16)
      System.Resources.ResourceManager (>= 4.3) - restriction: || (&& (< net46) (>= netstandard14)) (>= netstandard16)
      System.Runtime (>= 4.3) - restriction: || (&& (< net46) (>= netstandard13) (< netstandard14)) (&& (< net46) (>= netstandard14)) (>= netstandard16)
      System.Runtime.Extensions (>= 4.3) - restriction: || (&& (< net46) (>= netstandard14)) (>= netstandard16)
      System.Runtime.Handles (>= 4.3) - restriction: || (&& (< net46) (>= netstandard13) (< netstandard14)) (&& (< net46) (>= netstandard14)) (>= netstandard16)
      System.Runtime.InteropServices (>= 4.3) - restriction: || (&& (< net46) (>= netstandard14)) (>= netstandard16)
      System.Security.Cryptography.Algorithms (>= 4.3) - restriction: || (&& (>= net46) (< netstandard14)) (&& (< net46) (>= netstandard13) (< netstandard14)) (&& (< net46) (>= netstandard14)) (>= net461) (>= netstandard16)
      System.Security.Cryptography.Encoding (>= 4.3) - restriction: || (&& (< net46) (>= netstandard14)) (>= netstandard16)
      System.Security.Cryptography.Primitives (>= 4.3) - restriction: || (&& (>= net46) (< netstandard14)) (&& (< net46) (>= netstandard13) (< netstandard14)) (&& (< net46) (>= netstandard14)) (>= net461) (>= netstandard16)
      System.Text.Encoding (>= 4.3) - restriction: || (&& (< net46) (>= netstandard14)) (>= netstandard16)
    System.Security.Cryptography.Csp (4.3) - restriction: || (&& (< net35) (>= netstandard13)) (>= netstandard16)
      Microsoft.NETCore.Platforms (>= 1.1) - restriction: && (< net46) (>= netstandard13)
      System.IO (>= 4.3) - restriction: && (< net46) (>= netstandard13)
      System.Reflection (>= 4.3) - restriction: && (< net46) (>= netstandard13)
      System.Resources.ResourceManager (>= 4.3) - restriction: && (< net46) (>= netstandard13)
      System.Runtime (>= 4.3) - restriction: && (< net46) (>= netstandard13)
      System.Runtime.Extensions (>= 4.3) - restriction: && (< net46) (>= netstandard13)
      System.Runtime.Handles (>= 4.3) - restriction: && (< net46) (>= netstandard13)
      System.Runtime.InteropServices (>= 4.3) - restriction: && (< net46) (>= netstandard13)
      System.Security.Cryptography.Algorithms (>= 4.3) - restriction: >= netstandard13
      System.Security.Cryptography.Encoding (>= 4.3) - restriction: && (< net46) (>= netstandard13)
      System.Security.Cryptography.Primitives (>= 4.3) - restriction: >= netstandard13
      System.Text.Encoding (>= 4.3) - restriction: && (< net46) (>= netstandard13)
      System.Threading (>= 4.3) - restriction: && (< net46) (>= netstandard13)
    System.Security.Cryptography.Encoding (4.3) - restriction: || (&& (< net45) (>= netstandard14) (< win8) (< wpa81)) (&& (>= net46) (< netstandard14)) (>= dnxcore50) (>= netstandard13)
      Microsoft.NETCore.Platforms (>= 1.1) - restriction: && (< net46) (>= netstandard13)
      runtime.native.System.Security.Cryptography.OpenSsl (>= 4.3) - restriction: && (< net46) (>= netstandard13)
      System.Collections (>= 4.3) - restriction: && (< net46) (>= netstandard13)
      System.Collections.Concurrent (>= 4.3) - restriction: && (< net46) (>= netstandard13)
      System.Linq (>= 4.3) - restriction: && (< net46) (>= netstandard13)
      System.Resources.ResourceManager (>= 4.3) - restriction: && (< net46) (>= netstandard13)
      System.Runtime (>= 4.3) - restriction: && (< net46) (>= netstandard13)
      System.Runtime.Extensions (>= 4.3) - restriction: && (< net46) (>= netstandard13)
      System.Runtime.Handles (>= 4.3) - restriction: && (< net46) (>= netstandard13)
      System.Runtime.InteropServices (>= 4.3) - restriction: && (< net46) (>= netstandard13)
      System.Security.Cryptography.Primitives (>= 4.3) - restriction: && (< net46) (>= netstandard13)
      System.Text.Encoding (>= 4.3) - restriction: && (< net46) (>= netstandard13)
    System.Security.Cryptography.OpenSsl (4.3) - restriction: >= netstandard16
      runtime.native.System.Security.Cryptography.OpenSsl (>= 4.3) - restriction: || (>= net463) (>= netstandard16)
      System.Collections (>= 4.3) - restriction: >= netstandard16
      System.IO (>= 4.3) - restriction: || (>= net463) (>= netstandard16)
      System.Resources.ResourceManager (>= 4.3) - restriction: >= netstandard16
      System.Runtime (>= 4.3) - restriction: || (>= net463) (>= netstandard16)
      System.Runtime.Extensions (>= 4.3) - restriction: || (>= net463) (>= netstandard16)
      System.Runtime.Handles (>= 4.3) - restriction: >= netstandard16
      System.Runtime.InteropServices (>= 4.3) - restriction: >= netstandard16
      System.Runtime.Numerics (>= 4.3) - restriction: >= netstandard16
      System.Security.Cryptography.Algorithms (>= 4.3) - restriction: || (>= net463) (>= netstandard16)
      System.Security.Cryptography.Encoding (>= 4.3) - restriction: || (>= net463) (>= netstandard16)
      System.Security.Cryptography.Primitives (>= 4.3) - restriction: || (>= net463) (>= netstandard16)
      System.Text.Encoding (>= 4.3) - restriction: >= netstandard16
    System.Security.Cryptography.Primitives (4.3) - restriction: || (&& (>= net46) (< netstandard14)) (&& (< net46) (>= netstandard14)) (>= netstandard13)
      System.Diagnostics.Debug (>= 4.3) - restriction: && (< net46) (>= netstandard13)
      System.Globalization (>= 4.3) - restriction: && (< net46) (>= netstandard13)
      System.IO (>= 4.3) - restriction: && (< net46) (>= netstandard13)
      System.Resources.ResourceManager (>= 4.3) - restriction: && (< net46) (>= netstandard13)
      System.Runtime (>= 4.3) - restriction: && (< net46) (>= netstandard13)
      System.Threading (>= 4.3) - restriction: && (< net46) (>= netstandard13)
      System.Threading.Tasks (>= 4.3) - restriction: && (< net46) (>= netstandard13)
    System.Security.Cryptography.X509Certificates (4.3) - restriction: || (>= dnxcore50) (>= netstandard13)
      Microsoft.NETCore.Platforms (>= 1.1) - restriction: || (>= dnxcore50) (>= netstandard16)
      runtime.native.System (>= 4.3) - restriction: >= netstandard16
      runtime.native.System.Net.Http (>= 4.3) - restriction: >= netstandard16
      runtime.native.System.Security.Cryptography.OpenSsl (>= 4.3) - restriction: >= netstandard16
      System.Collections (>= 4.3) - restriction: || (>= dnxcore50) (>= netstandard16)
      System.Diagnostics.Debug (>= 4.3) - restriction: >= netstandard16
      System.Globalization (>= 4.3) - restriction: || (>= dnxcore50) (>= netstandard16)
      System.Globalization.Calendars (>= 4.3) - restriction: || (>= dnxcore50) (>= netstandard16)
      System.IO (>= 4.3) - restriction: || (>= dnxcore50) (>= netstandard16)
      System.IO.FileSystem (>= 4.3) - restriction: || (>= dnxcore50) (>= netstandard16)
      System.IO.FileSystem.Primitives (>= 4.3) - restriction: >= netstandard16
      System.Resources.ResourceManager (>= 4.3) - restriction: || (>= dnxcore50) (>= netstandard16)
      System.Runtime (>= 4.3) - restriction: || (&& (< net46) (>= netstandard13) (< netstandard14)) (&& (< net46) (>= netstandard14)) (>= dnxcore50) (>= netstandard16)
      System.Runtime.Extensions (>= 4.3) - restriction: || (>= dnxcore50) (>= netstandard16)
      System.Runtime.Handles (>= 4.3) - restriction: || (&& (< net46) (>= netstandard13) (< netstandard14)) (&& (< net46) (>= netstandard14)) (>= dnxcore50) (>= netstandard16)
      System.Runtime.InteropServices (>= 4.3) - restriction: || (>= dnxcore50) (>= netstandard16)
      System.Runtime.Numerics (>= 4.3) - restriction: || (>= dnxcore50) (>= netstandard16)
      System.Security.Cryptography.Algorithms (>= 4.3) - restriction: || (&& (>= net46) (< netstandard14)) (&& (< net46) (>= netstandard13) (< netstandard14)) (&& (< net46) (>= netstandard14)) (>= net461) (>= dnxcore50) (>= netstandard16)
      System.Security.Cryptography.Cng (>= 4.3) - restriction: || (>= dnxcore50) (>= netstandard16)
      System.Security.Cryptography.Csp (>= 4.3) - restriction: >= netstandard16
      System.Security.Cryptography.Encoding (>= 4.3) - restriction: || (&& (>= net46) (< netstandard14)) (&& (< net46) (>= netstandard13) (< netstandard14)) (&& (< net46) (>= netstandard14)) (>= net461) (>= dnxcore50) (>= netstandard16)
      System.Security.Cryptography.OpenSsl (>= 4.3) - restriction: >= netstandard16
      System.Security.Cryptography.Primitives (>= 4.3) - restriction: || (>= dnxcore50) (>= netstandard16)
      System.Text.Encoding (>= 4.3) - restriction: || (>= dnxcore50) (>= netstandard16)
      System.Threading (>= 4.3) - restriction: || (>= dnxcore50) (>= netstandard16)
    System.Security.Principal (4.3) - restriction: && (< net451) (>= netstandard13)
      System.Runtime (>= 4.3) - restriction: || (&& (< net45) (>= netstandard10) (< win8) (< wp8) (< wpa81)) (>= dnxcore50)
    System.Security.Principal.Windows (4.3) - restriction: && (< net451) (>= netstandard13)
      Microsoft.NETCore.Platforms (>= 1.1) - restriction: && (< net46) (>= netstandard13)
      Microsoft.Win32.Primitives (>= 4.3) - restriction: && (< net46) (>= netstandard13)
      System.Collections (>= 4.3) - restriction: && (< net46) (>= netstandard13)
      System.Diagnostics.Debug (>= 4.3) - restriction: && (< net46) (>= netstandard13)
      System.Reflection (>= 4.3) - restriction: && (< net46) (>= netstandard13)
      System.Resources.ResourceManager (>= 4.3) - restriction: && (< net46) (>= netstandard13)
      System.Runtime (>= 4.3) - restriction: && (< net46) (>= netstandard13)
      System.Runtime.Extensions (>= 4.3) - restriction: && (< net46) (>= netstandard13)
      System.Runtime.Handles (>= 4.3) - restriction: && (< net46) (>= netstandard13)
      System.Runtime.InteropServices (>= 4.3) - restriction: && (< net46) (>= netstandard13)
      System.Security.Claims (>= 4.3) - restriction: >= netstandard13
      System.Security.Principal (>= 4.3) - restriction: && (< net46) (>= netstandard13)
      System.Text.Encoding (>= 4.3) - restriction: && (< net46) (>= netstandard13)
      System.Threading (>= 4.3) - restriction: && (< net46) (>= netstandard13)
    System.Text.Encoding (4.3) - restriction: || (&& (< net20) (>= netstandard10)) (&& (< net20) (>= netstandard15)) (&& (< net45) (>= netstandard11) (< win8) (< wpa81)) (&& (< net45) (>= netstandard15)) (>= net451) (>= dnxcore50) (>= netstandard13)
      Microsoft.NETCore.Platforms (>= 1.1) - restriction: || (&& (< net45) (>= netstandard10) (< netstandard13) (< win8) (< wp8) (< wpa81)) (&& (< net45) (>= netstandard13) (< win8) (< wpa81)) (>= dnxcore50)
      Microsoft.NETCore.Targets (>= 1.1) - restriction: || (&& (< net45) (>= netstandard10) (< netstandard13) (< win8) (< wp8) (< wpa81)) (&& (< net45) (>= netstandard13) (< win8) (< wpa81)) (>= dnxcore50)
      System.Runtime (>= 4.3) - restriction: || (&& (< net45) (>= netstandard10) (< netstandard13) (< win8) (< wp8) (< wpa81)) (&& (< net45) (>= netstandard13) (< win8) (< wpa81)) (>= dnxcore50)
    System.Text.Encoding.Extensions (4.3) - restriction: || (&& (< net20) (>= netstandard10)) (>= net451) (>= dnxcore50) (>= netstandard13)
    System.Text.Encodings.Web (4.3.1) - restriction: || (>= net451) (>= netstandard13)
      System.Diagnostics.Debug (>= 4.3) - restriction: && (< net45) (>= netstandard10) (< win8) (< wp8) (< wpa81)
      System.IO (>= 4.3) - restriction: && (< net45) (>= netstandard10) (< win8) (< wp8) (< wpa81)
      System.Reflection (>= 4.3) - restriction: && (< net45) (>= netstandard10) (< win8) (< wp8) (< wpa81)
      System.Resources.ResourceManager (>= 4.3) - restriction: && (< net45) (>= netstandard10) (< win8) (< wp8) (< wpa81)
      System.Runtime (>= 4.3) - restriction: && (< net45) (>= netstandard10) (< win8) (< wp8) (< wpa81)
      System.Runtime.Extensions (>= 4.3) - restriction: && (< net45) (>= netstandard10) (< win8) (< wp8) (< wpa81)
      System.Threading (>= 4.3) - restriction: && (< net45) (>= netstandard10) (< win8) (< wp8) (< wpa81)
    System.Text.RegularExpressions (4.3) - restriction: || (&& (< net20) (>= netstandard10)) (&& (< net45) (>= netstandard10)) (>= net451) (&& (>= dnxcore50) (>= netstandard10)) (>= netstandard13)
      System.Collections (>= 4.3) - restriction: || (>= dnxcore50) (&& (>= netstandard16) (< netcore11))
      System.Globalization (>= 4.3) - restriction: || (>= dnxcore50) (&& (>= netstandard16) (< netcore11))
      System.Resources.ResourceManager (>= 4.3) - restriction: || (>= dnxcore50) (&& (>= netstandard16) (< netcore11))
      System.Runtime (>= 4.3) - restriction: || (&& (< net45) (>= netstandard10) (< netstandard13) (< win8) (< wp8) (< wpa81)) (&& (< net45) (>= netstandard13) (< win8) (< wpa81)) (>= dnxcore50) (>= netstandard16)
      System.Runtime.Extensions (>= 4.3) - restriction: || (>= dnxcore50) (&& (>= netstandard16) (< netcore11))
      System.Threading (>= 4.3) - restriction: || (>= dnxcore50) (&& (>= netstandard16) (< netcore11))
    System.Threading (4.3) - restriction: || (&& (< net20) (>= netstandard10)) (&& (< net20) (>= netstandard11) (< win8) (< wpa81)) (&& (< net20) (>= netstandard15)) (&& (< net45) (>= netstandard10)) (>= net451) (>= dnxcore50) (>= netstandard13) (&& (>= netstandard16) (< netcore11)) (&& (>= netstandard16) (< netcore20))
      System.Runtime (>= 4.3) - restriction: || (&& (< net45) (>= netstandard10) (< netstandard13) (< win8) (< wp8) (< wpa81)) (&& (< net45) (>= netstandard13) (< win8) (< wpa81)) (>= dnxcore50)
      System.Threading.Tasks (>= 4.3) - restriction: || (&& (< net45) (>= netstandard10) (< netstandard13) (< win8) (< wp8) (< wpa81)) (&& (< net45) (>= netstandard13) (< win8) (< wpa81)) (>= dnxcore50)
    System.Threading.Overlapped (4.3) - restriction: && (< net451) (>= netstandard13)
      Microsoft.NETCore.Platforms (>= 1.1) - restriction: || (&& (< net46) (>= netstandard13)) (>= dnxcore50)
      System.Resources.ResourceManager (>= 4.3) - restriction: || (&& (< net46) (>= netstandard13)) (>= dnxcore50)
      System.Runtime (>= 4.3) - restriction: || (&& (< net46) (>= netstandard13)) (>= dnxcore50)
      System.Runtime.Handles (>= 4.3) - restriction: || (&& (< net46) (>= netstandard13)) (>= dnxcore50)
    System.Threading.Tasks (4.3) - restriction: || (&& (< net20) (>= netstandard10)) (&& (< net20) (>= netstandard15)) (&& (< net45) (>= netstandard10) (< win8) (< wp8) (< wpa81)) (&& (< net45) (>= netstandard11) (< win8) (< wpa81)) (&& (< net45) (>= netstandard15)) (>= net451) (>= dnxcore50) (>= netstandard13)
      Microsoft.NETCore.Platforms (>= 1.1) - restriction: || (&& (< net45) (>= netstandard10) (< netstandard13) (< win8) (< wp8) (< wpa81)) (&& (< net45) (>= netstandard13) (< win8) (< wpa81)) (>= dnxcore50)
      Microsoft.NETCore.Targets (>= 1.1) - restriction: || (&& (< net45) (>= netstandard10) (< netstandard13) (< win8) (< wp8) (< wpa81)) (&& (< net45) (>= netstandard13) (< win8) (< wpa81)) (>= dnxcore50)
      System.Runtime (>= 4.3) - restriction: || (&& (< net45) (>= netstandard10) (< netstandard13) (< win8) (< wp8) (< wpa81)) (&& (< net45) (>= netstandard13) (< win8) (< wpa81)) (>= dnxcore50)
    System.Threading.Tasks.Extensions (4.3) - restriction: || (>= net451) (&& (>= dnxcore50) (>= netstandard10)) (>= netstandard13)
      System.Collections (>= 4.3) - restriction: && (< net45) (>= netstandard10) (< win8) (< wp8) (< wpa81)
      System.Runtime (>= 4.3) - restriction: && (< net45) (>= netstandard10) (< win8) (< wp8) (< wpa81)
      System.Threading.Tasks (>= 4.3) - restriction: && (< net45) (>= netstandard10) (< win8) (< wp8) (< wpa81)
    System.Threading.Tasks.Parallel (4.3) - restriction: >= netstandard16
      System.Collections.Concurrent (>= 4.3) - restriction: || (&& (< net45) (>= netstandard11) (< netstandard13) (< win8) (< wpa81)) (&& (< net45) (>= netstandard13) (< win8) (< wpa81)) (>= dnxcore50)
      System.Diagnostics.Debug (>= 4.3) - restriction: || (&& (< net45) (>= netstandard13) (< win8) (< wpa81)) (>= dnxcore50)
      System.Diagnostics.Tracing (>= 4.3) - restriction: || (&& (< net45) (>= netstandard13) (< win8) (< wpa81)) (>= dnxcore50)
      System.Resources.ResourceManager (>= 4.3) - restriction: || (&& (< net45) (>= netstandard13) (< win8) (< wpa81)) (>= dnxcore50)
      System.Runtime (>= 4.3) - restriction: || (&& (< net45) (>= netstandard11) (< netstandard13) (< win8) (< wpa81)) (&& (< net45) (>= netstandard13) (< win8) (< wpa81)) (>= dnxcore50)
      System.Runtime.Extensions (>= 4.3) - restriction: || (&& (< net45) (>= netstandard13) (< win8) (< wpa81)) (>= dnxcore50)
      System.Threading (>= 4.3) - restriction: || (&& (< net45) (>= netstandard13) (< win8) (< wpa81)) (>= dnxcore50)
      System.Threading.Tasks (>= 4.3) - restriction: || (&& (< net45) (>= netstandard11) (< netstandard13) (< win8) (< wpa81)) (&& (< net45) (>= netstandard13) (< win8) (< wpa81)) (>= dnxcore50)
    System.Threading.Thread (4.3) - restriction: || (&& (< net451) (>= netstandard13)) (>= netstandard16)
      System.Runtime (>= 4.3) - restriction: && (< net46) (>= netstandard13)
    System.Threading.ThreadPool (4.3) - restriction: || (&& (< net451) (>= netstandard13)) (>= netstandard16)
      System.Runtime (>= 4.3) - restriction: && (< net46) (>= netstandard13)
      System.Runtime.Handles (>= 4.3) - restriction: && (< net46) (>= netstandard13)
    System.Threading.Timer (4.3) - restriction: || (&& (< net20) (>= netstandard12)) (&& (< net45) (>= netstandard12)) (>= net451) (>= netstandard13)
      Microsoft.NETCore.Platforms (>= 1.1) - restriction: || (&& (< net451) (>= netstandard12) (< win81) (< wpa81)) (>= dnxcore50)
      Microsoft.NETCore.Targets (>= 1.1) - restriction: || (&& (< net451) (>= netstandard12) (< win81) (< wpa81)) (>= dnxcore50)
      System.Runtime (>= 4.3) - restriction: || (&& (< net451) (>= netstandard12) (< win81) (< wpa81)) (>= dnxcore50)
    System.Xml.ReaderWriter (4.3) - restriction: || (&& (< net20) (>= netstandard10)) (>= net451) (&& (>= dnxcore50) (>= netstandard10)) (>= netstandard13)
      System.Collections (>= 4.3) - restriction: || (&& (< net45) (>= netstandard13) (< win8) (< wpa81)) (>= dnxcore50)
      System.Diagnostics.Debug (>= 4.3) - restriction: || (&& (< net45) (>= netstandard13) (< win8) (< wpa81)) (>= dnxcore50)
      System.Globalization (>= 4.3) - restriction: || (&& (< net45) (>= netstandard13) (< win8) (< wpa81)) (>= dnxcore50)
      System.IO (>= 4.3) - restriction: || (&& (< net45) (>= netstandard10) (< netstandard13) (< win8) (< wp8) (< wpa81)) (&& (< net45) (>= netstandard13) (< win8) (< wpa81)) (>= dnxcore50)
      System.IO.FileSystem (>= 4.3) - restriction: || (&& (< net45) (>= netstandard13) (< win8) (< wpa81)) (>= dnxcore50)
      System.IO.FileSystem.Primitives (>= 4.3) - restriction: || (&& (< net45) (>= netstandard13) (< win8) (< wpa81)) (>= dnxcore50)
      System.Resources.ResourceManager (>= 4.3) - restriction: || (&& (< net45) (>= netstandard13) (< win8) (< wpa81)) (>= dnxcore50)
      System.Runtime (>= 4.3) - restriction: || (&& (< net45) (>= netstandard10) (< netstandard13) (< win8) (< wp8) (< wpa81)) (&& (< net45) (>= netstandard13) (< win8) (< wpa81)) (>= dnxcore50)
      System.Runtime.Extensions (>= 4.3) - restriction: || (&& (< net45) (>= netstandard13) (< win8) (< wpa81)) (>= dnxcore50)
      System.Runtime.InteropServices (>= 4.3) - restriction: || (&& (< net45) (>= netstandard13) (< win8) (< wpa81)) (>= dnxcore50)
      System.Text.Encoding (>= 4.3) - restriction: || (&& (< net45) (>= netstandard10) (< netstandard13) (< win8) (< wp8) (< wpa81)) (&& (< net45) (>= netstandard13) (< win8) (< wpa81)) (>= dnxcore50)
      System.Text.Encoding.Extensions (>= 4.3) - restriction: || (&& (< net45) (>= netstandard13) (< win8) (< wpa81)) (>= dnxcore50)
      System.Text.RegularExpressions (>= 4.3) - restriction: || (&& (< net45) (>= netstandard13) (< win8) (< wpa81)) (>= dnxcore50)
      System.Threading.Tasks (>= 4.3) - restriction: || (&& (< net45) (>= netstandard10) (< netstandard13) (< win8) (< wp8) (< wpa81)) (&& (< net45) (>= netstandard13) (< win8) (< wpa81)) (>= dnxcore50)
      System.Threading.Tasks.Extensions (>= 4.3) - restriction: || (&& (< net45) (>= netstandard13) (< win8) (< wpa81)) (>= dnxcore50)
    System.Xml.XDocument (4.3) - restriction: || (&& (< net20) (>= netstandard10)) (>= net451) (>= netstandard13)
      System.Collections (>= 4.3) - restriction: || (&& (< net45) (>= netstandard13) (< win8) (< wpa81)) (>= dnxcore50)
      System.Diagnostics.Debug (>= 4.3) - restriction: || (&& (< net45) (>= netstandard13) (< win8) (< wpa81)) (>= dnxcore50)
      System.Diagnostics.Tools (>= 4.3) - restriction: || (&& (< net45) (>= netstandard13) (< win8) (< wpa81)) (>= dnxcore50)
      System.Globalization (>= 4.3) - restriction: || (&& (< net45) (>= netstandard13) (< win8) (< wpa81)) (>= dnxcore50)
      System.IO (>= 4.3) - restriction: || (&& (< net45) (>= netstandard10) (< netstandard13) (< win8) (< wp8) (< wpa81)) (&& (< net45) (>= netstandard13) (< win8) (< wpa81)) (>= dnxcore50)
      System.Reflection (>= 4.3) - restriction: || (&& (< net45) (>= netstandard13) (< win8) (< wpa81)) (>= dnxcore50)
      System.Resources.ResourceManager (>= 4.3) - restriction: || (&& (< net45) (>= netstandard13) (< win8) (< wpa81)) (>= dnxcore50)
      System.Runtime (>= 4.3) - restriction: || (&& (< net45) (>= netstandard10) (< netstandard13) (< win8) (< wp8) (< wpa81)) (&& (< net45) (>= netstandard13) (< win8) (< wpa81)) (>= dnxcore50)
      System.Runtime.Extensions (>= 4.3) - restriction: || (&& (< net45) (>= netstandard13) (< win8) (< wpa81)) (>= dnxcore50)
      System.Text.Encoding (>= 4.3) - restriction: || (&& (< net45) (>= netstandard13) (< win8) (< wpa81)) (>= dnxcore50)
      System.Threading (>= 4.3) - restriction: || (&& (< net45) (>= netstandard13) (< win8) (< wpa81)) (>= dnxcore50)
      System.Xml.ReaderWriter (>= 4.3) - restriction: || (&& (< net45) (>= netstandard10) (< netstandard13) (< win8) (< wp8) (< wpa81)) (&& (< net45) (>= netstandard13) (< win8) (< wpa81)) (>= dnxcore50)
    System.Xml.XmlDocument (4.3) - restriction: && (< net20) (>= netstandard13)
      System.Collections (>= 4.3) - restriction: && (< net46) (>= netstandard13)
      System.Diagnostics.Debug (>= 4.3) - restriction: && (< net46) (>= netstandard13)
      System.Globalization (>= 4.3) - restriction: && (< net46) (>= netstandard13)
      System.IO (>= 4.3) - restriction: && (< net46) (>= netstandard13)
      System.Resources.ResourceManager (>= 4.3) - restriction: && (< net46) (>= netstandard13)
      System.Runtime (>= 4.3) - restriction: && (< net46) (>= netstandard13)
      System.Runtime.Extensions (>= 4.3) - restriction: && (< net46) (>= netstandard13)
      System.Text.Encoding (>= 4.3) - restriction: && (< net46) (>= netstandard13)
      System.Threading (>= 4.3) - restriction: && (< net46) (>= netstandard13)
      System.Xml.ReaderWriter (>= 4.3) - restriction: && (< net46) (>= netstandard13)
